STORAGE: NONE
RESTRICTION: || (== net471) (== net6.0) (== net6.0-windows7.0) (== netstandard2.0)
NUGET
  remote: https://api.nuget.org/v3/index.json
    Aardium (2.0.10-prerelease0007)
      FSharp.Core (>= 4.7)
      FSys (>= 0.0.1 < 0.1)
    Aardvark.Application (5.4.1)
      Aardvark.Base.Essentials (>= 5.2.23 < 5.3)
      Aardvark.Base.Incremental (>= 5.2.23 < 5.3)
      Aardvark.Rendering (5.4.1)
      FShade.Core (>= 5.4 < 5.5)
      FShade.GLSL (>= 5.4)
      FSharp.Core (>= 5.0.1)
    Aardvark.Application.Slim (5.4.1)
      Aardvark.Application (5.4.1)
      Aardvark.Base.Essentials (>= 5.2.23 < 5.3)
      Aardvark.Base.Incremental (>= 5.2.23 < 5.3)
      Aardvark.Base.Runtime (>= 5.2.23 < 5.3)
      Aardvark.Rendering (5.4.1)
      FShade (>= 5.4 < 5.5)
      FSharp.Core (>= 5.0.1)
      Silk.NET.GLFW (2.15)
      Unofficial.OpenTK (>= 3.0.21 < 3.1)
    Aardvark.Application.Slim.GL (5.4.1)
      Aardvark.Application (5.4.1)
      Aardvark.Application.Slim (5.4.1)
      Aardvark.Base.Essentials (>= 5.2.23 < 5.3)
      Aardvark.Base.Incremental (>= 5.2.23 < 5.3)
      Aardvark.Base.Runtime (>= 5.2.23 < 5.3)
      Aardvark.Base.Tensors (>= 5.2.23 < 5.3)
      Aardvark.Rendering (5.4.1)
      Aardvark.Rendering.GL (5.4.1)
      FShade (>= 5.4 < 5.5)
      FSharp.Core (>= 5.0.1)
      Silk.NET.Core (2.15)
      Silk.NET.GLFW (2.15)
      Unofficial.OpenTK (>= 3.0.21 < 3.1)
    Aardvark.Application.WinForms (5.4.1)
      Aardvark.Application (5.4.1)
      Aardvark.Base.Essentials (>= 5.2.23 < 5.3)
      Aardvark.Base.Incremental (>= 5.2.23 < 5.3)
      Aardvark.Rendering (5.4.1)
      FShade.Core (>= 5.4 < 5.5)
      FShade.GLSL (>= 5.4)
      FSharp.Core (>= 5.0.1)
    Aardvark.Application.WinForms.GL (5.4.1)
      Aardvark.Application (5.4.1)
      Aardvark.Application.WinForms (5.4.1)
      Aardvark.Base.Essentials (>= 5.2.23 < 5.3)
      Aardvark.Base.Incremental (>= 5.2.23 < 5.3)
      Aardvark.Base.Runtime (>= 5.2.23 < 5.3)
      Aardvark.Rendering (5.4.1)
      Aardvark.Rendering.GL (5.4.1)
      FShade.Core (>= 5.4 < 5.5)
      FShade.GLSL (>= 5.4)
      FSharp.Core (>= 5.0.1)
      Unofficial.OpenTK (>= 3.0.21 < 3.1)
      Unofficial.OpenTK.GLControl (>= 3.0.21 < 3.1)
    Aardvark.Assembler (0.0.8)
      Aardvark.Base (>= 5.2.7 < 5.3)
      Aardvark.Base.Runtime (>= 5.2.7 < 5.3)
      FSharp.Core (>= 5.0)
      FSharp.Data.Adaptive (>= 1.2.13 < 1.3)
    Aardvark.Base (5.2.28)
      Aardvark.Base.Telemetry (5.2.28)
      System.Collections.Immutable (>= 5.0)
      System.Reflection.Metadata (>= 5.0) - restriction: || (== net471) (&& (== net6.0) (< netcoreapp3.1)) (&& (== net6.0-windows7.0) (< netcoreapp3.1)) (== netstandard2.0)
      System.Text.Json (>= 4.7.2)
    Aardvark.Base.Essentials (5.2.28)
      Aardvark.Base (5.2.28)
      System.Collections.Immutable (>= 5.0)
    Aardvark.Base.FSharp (5.2.28)
      Aardvark.Base (5.2.28)
      Aardvark.Base.TypeProviders (>= 4.5.15 < 4.6)
      FSharp.Core (>= 5.0)
      FSharp.Data.Adaptive (>= 1.2 < 1.3)
      FsPickler (>= 5.3.2 < 5.4)
      System.Dynamic.Runtime (>= 4.3 < 4.4)
    Aardvark.Base.Incremental (5.2.28)
      Aardvark.Base (5.2.28)
      Aardvark.Base.FSharp (5.2.28)
      Aardvark.Base.TypeProviders (>= 4.5.15 < 4.6)
      FSharp.Core (>= 5.0)
      FSharp.Data.Adaptive (>= 1.2 < 1.3)
      FsPickler (>= 5.3.2 < 5.4)
    Aardvark.Base.IO (5.2.28)
      Aardvark.Base (5.2.28)
      Aardvark.Base.Tensors (5.2.28)
      System.Dynamic.Runtime (>= 4.3 < 4.4)
    Aardvark.Base.Runtime (5.2.28)
      Aardvark.Base.FSharp (5.2.28)
      Aardvark.Base.Incremental (5.2.28)
      Aardvark.Base.TypeProviders (>= 4.5.15 < 4.6)
      FSharp.Core (>= 5.0)
      FSharp.Data.Adaptive (>= 1.2 < 1.3)
      FsPickler (>= 5.3.2 < 5.4)
    Aardvark.Base.Telemetry (5.2.28)
    Aardvark.Base.Tensors (5.2.28)
      Aardvark.Base (5.2.28)
      Aardvark.Base.FSharp (5.2.28)
      FSharp.Core (>= 5.0)
      SixLabors.ImageSharp (>= 2.1.3 < 2.2)
    Aardvark.Base.TypeProviders (4.5.15)
      FSharp.Core (>= 3.1.2.5) - restriction: || (== net471) (&& (== net6.0) (>= net45)) (&& (== net6.0-windows7.0) (>= net45)) (&& (== netstandard2.0) (>= net45))
      FSharp.Core (>= 4.2.3) - restriction: || (&& (== net471) (< net45)) (== net6.0) (== net6.0-windows7.0) (== netstandard2.0)
    Aardvark.Build (1.0.20)
    Aardvark.Geometry (5.2.28)
      Aardvark.Base (5.2.28)
      Aardvark.Base.FSharp (5.2.28)
      Aardvark.Base.Tensors (5.2.28)
      Aardvark.Base.TypeProviders (>= 4.5.15 < 4.6)
      FSharp.Core (>= 5.0)
      FSharp.Data.Adaptive (>= 1.2 < 1.3)
      FsPickler (>= 5.3.2 < 5.4)
      Unofficial.LibTessDotNet (>= 2.0.2 < 2.1)
    Aardvark.Geometry.Intersection (5.2.23)
      Aardvark.Base.IO (>= 5.2.24 < 5.3)
    Aardvark.GPGPU (5.4.1)
      Aardvark.Base.Incremental (>= 5.2.23 < 5.3)
      Aardvark.Rendering (5.4.1)
      FShade.Core (>= 5.4 < 5.5)
      FShade.GLSL (>= 5.4)
      FSharp.Core (>= 5.0.1)
    Aardvark.Rendering (5.4.1)
      Aardvark.Base.Essentials (>= 5.2.23 < 5.3)
      Aardvark.Base.Incremental (>= 5.2.23 < 5.3)
      Aardvark.Base.Tensors (>= 5.2.23 < 5.3)
      FShade.Core (>= 5.4 < 5.5)
      FShade.GLSL (>= 5.4)
      FSharp.Core (>= 5.0.1)
      FSharp.Data.Adaptive (>= 1.2.13 < 1.3)
    Aardvark.Rendering.GL (5.4.1)
      Aardvark.Assembler (>= 0.0.8 < 0.1)
      Aardvark.Base.Essentials (>= 5.2.23 < 5.3)
      Aardvark.Base.Incremental (>= 5.2.23 < 5.3)
      Aardvark.Base.Runtime (>= 5.2.23 < 5.3)
      Aardvark.Base.Tensors (>= 5.2.23 < 5.3)
      Aardvark.Geometry (>= 5.2.23 < 5.3)
      Aardvark.Rendering (5.4.1)
      FShade (>= 5.4 < 5.5)
      FSharp.Core (>= 5.0.1)
      Unofficial.OpenTK (>= 3.0.21 < 3.1)
    Aardvark.Rendering.Text (5.4.1)
      Aardvark.Base.Incremental (>= 5.2.23 < 5.3)
      Aardvark.Rendering (5.4.1)
      Aardvark.SceneGraph (5.4.1)
      CommonMark.NET (>= 0.15.1 < 0.16)
      FShade.Core (>= 5.4 < 5.5)
      FShade.GLSL (>= 5.4)
      FSharp.Core (>= 5.0.1)
      Unofficial.LibTessDotNet (>= 2.0.2 < 2.1)
      Unofficial.Typography (>= 0.1 < 0.2)
    Aardvark.Rendering.Vulkan (5.4.1)
      Aardvark.Base.FSharp (>= 5.2.23 < 5.3)
      Aardvark.Base.Incremental (>= 5.2.23 < 5.3)
      Aardvark.Base.Runtime (>= 5.2.23 < 5.3)
      Aardvark.Base.Tensors (>= 5.2.23 < 5.3)
      Aardvark.Rendering (5.4.1)
      FShade (>= 5.4 < 5.5)
      FSharp.Core (>= 5.0.1)
      GLSLangSharp (>= 0.4.14 < 0.5)
    Aardvark.SceneGraph (5.4.1)
      Aardvark.Base.Incremental (>= 5.2.23 < 5.3)
      Aardvark.Rendering (5.4.1)
      FShade.Core (>= 5.4 < 5.5)
      FShade.GLSL (>= 5.4)
      FSharp.Core (>= 5.0.1)
    Aardvark.SceneGraph.IO (5.4.1)
      Aardvark.Base.Incremental (>= 5.2.23 < 5.3)
      Aardvark.Base.Tensors (>= 5.2.23 < 5.3)
      Aardvark.Rendering (5.4.1)
      Aardvark.SceneGraph (5.4.1)
      AssimpNet (>= 5.0.0-beta1 < 5.1.0-beta)
      FShade.Core (>= 5.4 < 5.5)
      FShade.GLSL (>= 5.4)
      FSharp.Core (>= 5.0.1)
    Aardvark.SceneGraph.Opc (5.4.1)
      Aardvark.Base.Incremental (>= 5.2.23 < 5.3)
      Aardvark.Base.IO (>= 5.2.23 < 5.3)
      Aardvark.Rendering (5.4.1)
      Aardvark.SceneGraph (5.4.1)
      FSharp.Core (>= 5.0.1)
      SharpZipLib (>= 1.4.1 < 1.5)
    Adaptify.Core (1.1.9)
      FSharp.Data.Adaptive (>= 1.2.13 < 1.3)
    Adaptify.MSBuild (1.1.9)
      Adaptify.Core (1.1.9)
    Aether (8.3.1)
      FSharp.Core (>= 4.3.4)
      System.ValueTuple (>= 4.4) - restriction: || (== net471) (&& (== net6.0) (>= net45)) (&& (== net6.0-windows7.0) (>= net45)) (&& (== netstandard2.0) (>= net45))
    Another.Unofficial.Xilium.CefGlue (0.4)
    Another.Unofficial.Xilium.CefGlue.UnpackNativeDependencies (0.4)
      Another.Unofficial.Xilium.CefGlue (0.4)
      FSharp.Core (>= 4.6.2)
      SharpZipLib (>= 1.4.2 < 1.5)
    Another.Unofficial.Xilium.CefGlue.WindowsForms (0.4)
      Another.Unofficial.Xilium.CefGlue (0.4)
    AssimpNet (5.0.0-beta1)
      NETStandard.Library (>= 1.6.1) - restriction: || (&& (== net471) (< net35)) (== net6.0) (== net6.0-windows7.0) (== netstandard2.0)
    BenchmarkDotNet (0.13.5)
      BenchmarkDotNet.Annotations (>= 0.13.5)
      CommandLineParser (>= 2.4.3)
      Gee.External.Capstone (>= 2.3)
      Iced (>= 1.17)
      Microsoft.CodeAnalysis.CSharp (>= 3.0)
      Microsoft.Diagnostics.Runtime (>= 2.2.332302)
      Microsoft.Diagnostics.Tracing.TraceEvent (>= 3.0.2)
      Microsoft.DotNet.PlatformAbstractions (>= 3.1.6)
      Microsoft.Win32.Registry (>= 5.0) - restriction: || (== net471) (&& (== net6.0-windows7.0) (< net6.0)) (== netstandard2.0)
      Perfolizer (>= 0.2.1)
      System.Management (>= 6.0)
      System.Numerics.Vectors (>= 4.5) - restriction: || (== net471) (&& (== net6.0-windows7.0) (< net6.0)) (== netstandard2.0)
      System.Reflection.Emit (>= 4.7) - restriction: || (== net471) (&& (== net6.0-windows7.0) (< net6.0)) (== netstandard2.0)
      System.Reflection.Emit.Lightweight (>= 4.7) - restriction: || (== net471) (&& (== net6.0-windows7.0) (< net6.0)) (== netstandard2.0)
      System.Threading.Tasks.Extensions (>= 4.5.4) - restriction: || (== net471) (&& (== net6.0-windows7.0) (< net6.0)) (== netstandard2.0)
    BenchmarkDotNet.Annotations (0.13.5)
    Chiron (6.3.1)
      Aether (>= 8.2)
      FParsec (>= 1.0.3)
      FSharp.Core (>= 4.3.4)
      System.ValueTuple (>= 4.4) - restriction: || (== net471) (&& (== net6.0) (>= net452)) (&& (== net6.0-windows7.0) (>= net452)) (&& (== netstandard2.0) (>= net452))
    CommandLineParser (2.8)
    CommonMark.NET (0.15.1)
    FParsec (1.1.1)
      FSharp.Core (>= 4.3.4)
      System.ValueTuple (>= 4.4) - restriction: || (== net471) (&& (== net6.0) (>= net45)) (&& (== net6.0-windows7.0) (>= net45)) (&& (== netstandard2.0) (>= net45))
    FShade (5.4)
      FShade.Core (5.4)
      FShade.GLSL (5.4)
      FShade.Imperative (5.4)
      FShade.SpirV (5.4)
    FShade.Core (5.4)
      Aardvark.Base (>= 5.2.19 < 5.3)
      Aardvark.Base.FSharp (>= 5.2.19 < 5.3)
      FShade.Imperative (5.4)
      FSharp.Core (>= 5.0)
    FShade.GLSL (5.4)
      Aardvark.Base (>= 5.2.19 < 5.3)
      Aardvark.Base.FSharp (>= 5.2.19 < 5.3)
      FShade.Core (5.4)
      FShade.Imperative (5.4)
      FSharp.Core (>= 5.0)
    FShade.Imperative (5.4)
      Aardvark.Base (>= 5.2.19 < 5.3)
      Aardvark.Base.FSharp (>= 5.2.19 < 5.3)
      FSharp.Core (>= 5.0)
      FsPickler (>= 5.3.2 < 5.4)
    FShade.SpirV (5.4)
      Aardvark.Base (>= 5.2.19 < 5.3)
      Aardvark.Base.FSharp (>= 5.2.19 < 5.3)
      FShade.Core (5.4)
      FShade.Imperative (5.4)
      FSharp.Core (>= 5.0)
    FSharp.Control.Websockets (0.2.2) - restriction: || (&& (== net471) (>= net5.0)) (== net6.0) (== net6.0-windows7.0) (&& (== netstandard2.0) (>= net5.0))
      FSharp.Core (>= 4.3.4)
      Microsoft.IO.RecyclableMemoryStream (>= 1.2.2)
    FSharp.Core (5.0.1)
    FSharp.Data (3.0.1)
      FSharp.Core (>= 4.0.0.1) - restriction: || (== net471) (&& (== net6.0) (>= net45)) (&& (== net6.0-windows7.0) (>= net45)) (&& (== netstandard2.0) (>= net45))
      FSharp.Core (>= 4.3.4) - restriction: || (&& (== net471) (< net45)) (== net6.0) (== net6.0-windows7.0) (== netstandard2.0)
    FSharp.Data.Adaptive (1.2.14)
      FSharp.Core (>= 4.7)
      System.Reflection.Emit.Lightweight (>= 4.6)
    FsPickler (5.3.2)
      FSharp.Core (>= 4.3.2)
      System.Reflection.Emit.Lightweight (>= 4.3) - restriction: || (&& (== net471) (< net45)) (== net6.0) (== net6.0-windows7.0) (== netstandard2.0)
    FsPickler.Json (5.3.2)
      FSharp.Core (>= 4.3.2)
      FsPickler (>= 5.3.2)
      Newtonsoft.Json (>= 10.0.1)
    FSys (0.0.1)
      FSharp.Core (>= 4.7)
    Gee.External.Capstone (2.3)
    Giraffe (5.0)
      FSharp.Core (>= 5.0) - restriction: || (&& (== net471) (>= net5.0)) (== net6.0) (== net6.0-windows7.0) (&& (== netstandard2.0) (>= net5.0))
      Giraffe.ViewEngine (>= 1.3) - restriction: || (&& (== net471) (>= net5.0)) (== net6.0) (== net6.0-windows7.0) (&& (== netstandard2.0) (>= net5.0))
      Microsoft.IO.RecyclableMemoryStream (>= 1.3.6) - restriction: || (&& (== net471) (>= net5.0)) (== net6.0) (== net6.0-windows7.0) (&& (== netstandard2.0) (>= net5.0))
      Newtonsoft.Json (>= 12.0.3) - restriction: || (&& (== net471) (>= net5.0)) (== net6.0) (== net6.0-windows7.0) (&& (== netstandard2.0) (>= net5.0))
      Ply (>= 0.3.1) - restriction: || (&& (== net471) (>= net5.0)) (== net6.0) (== net6.0-windows7.0) (&& (== netstandard2.0) (>= net5.0))
      System.Text.Json (>= 5.0.2) - restriction: || (&& (== net471) (>= net5.0)) (== net6.0) (== net6.0-windows7.0) (&& (== netstandard2.0) (>= net5.0))
      Utf8Json (>= 1.3.7) - restriction: || (&& (== net471) (>= net5.0)) (== net6.0) (== net6.0-windows7.0) (&& (== netstandard2.0) (>= net5.0))
    Giraffe.ViewEngine (1.4) - restriction: || (&& (== net471) (>= net5.0)) (== net6.0) (== net6.0-windows7.0) (&& (== netstandard2.0) (>= net5.0))
      FSharp.Core (>= 5.0)
    GLSLangSharp (0.4.14)
      FSharp.Core (>= 5.0)
    Iced (1.17)
    Microsoft.AspNetCore.Authentication.JwtBearer (5.0.15) - restriction: || (&& (== net471) (>= net5.0)) (== net6.0) (== net6.0-windows7.0) (&& (== netstandard2.0) (>= net5.0))
      Microsoft.IdentityModel.Protocols.OpenIdConnect (>= 6.7.1) - restriction: || (&& (== net471) (>= net5.0)) (== net6.0) (== net6.0-windows7.0) (&& (== netstandard2.0) (>= net5.0))
    Microsoft.Bcl.AsyncInterfaces (6.0)
      System.Threading.Tasks.Extensions (>= 4.5.4) - restriction: || (== net471) (&& (== net6.0) (>= net461)) (&& (== net6.0) (< netstandard2.1)) (&& (== net6.0-windows7.0) (>= net461)) (&& (== net6.0-windows7.0) (< netstandard2.1)) (== netstandard2.0)
    Microsoft.Bcl.HashCode (1.1.1) - restriction: || (== net471) (&& (== net6.0) (< netstandard2.1)) (&& (== net6.0-windows7.0) (< netstandard2.1)) (== netstandard2.0)
    Microsoft.CodeAnalysis.Analyzers (3.3.3)
    Microsoft.CodeAnalysis.Common (4.0.1)
      Microsoft.CodeAnalysis.Analyzers (>= 3.3.2)
      System.Collections.Immutable (>= 5.0)
      System.Memory (>= 4.5.4)
      System.Reflection.Metadata (>= 5.0)
      System.Runtime.CompilerServices.Unsafe (>= 5.0)
      System.Text.Encoding.CodePages (>= 4.5.1)
      System.Threading.Tasks.Extensions (>= 4.5.4)
    Microsoft.CodeAnalysis.CSharp (4.0.1)
      Microsoft.CodeAnalysis.Common (4.0.1)
    Microsoft.CSharp (4.7)
    Microsoft.Diagnostics.NETCore.Client (0.2.257301)
      Microsoft.Bcl.AsyncInterfaces (>= 1.1)
      Microsoft.Extensions.Logging (>= 2.1.1)
    Microsoft.Diagnostics.Runtime (2.4.416101)
      Microsoft.Diagnostics.NETCore.Client (>= 0.2.251802)
      System.Collections.Immutable (>= 5.0)
      System.Runtime.CompilerServices.Unsafe (>= 5.0)
    Microsoft.Diagnostics.Tracing.TraceEvent (3.1.3)
      System.Runtime.CompilerServices.Unsafe (>= 5.0)
    Microsoft.DotNet.PlatformAbstractions (3.1.6)
      System.Runtime.InteropServices.RuntimeInformation (>= 4.0) - restriction: || (== net471) (&& (== net6.0) (>= net45)) (&& (== net6.0) (< netstandard2.0)) (&& (== net6.0-windows7.0) (>= net45)) (&& (== net6.0-windows7.0) (< netstandard2.0)) (&& (== netstandard2.0) (>= net45))
    Microsoft.Extensions.DependencyInjection (6.0)
      Microsoft.Bcl.AsyncInterfaces (>= 6.0) - restriction: || (== net471) (&& (== net6.0) (>= net461)) (&& (== net6.0) (< netstandard2.1)) (&& (== net6.0-windows7.0) (>= net461)) (&& (== net6.0-windows7.0) (< netstandard2.1)) (== netstandard2.0)
      Microsoft.Extensions.DependencyInjection.Abstractions (>= 6.0)
      System.Runtime.CompilerServices.Unsafe (>= 6.0)
      System.Threading.Tasks.Extensions (>= 4.5.4) - restriction: || (== net471) (&& (== net6.0) (>= net461)) (&& (== net6.0) (< netstandard2.1)) (&& (== net6.0-windows7.0) (>= net461)) (&& (== net6.0-windows7.0) (< netstandard2.1)) (== netstandard2.0)
    Microsoft.Extensions.DependencyInjection.Abstractions (6.0)
      Microsoft.Bcl.AsyncInterfaces (>= 6.0) - restriction: || (== net471) (&& (== net6.0) (>= net461)) (&& (== net6.0) (< netstandard2.1)) (&& (== net6.0-windows7.0) (>= net461)) (&& (== net6.0-windows7.0) (< netstandard2.1)) (== netstandard2.0)
      System.Threading.Tasks.Extensions (>= 4.5.4) - restriction: || (== net471) (&& (== net6.0) (>= net461)) (&& (== net6.0) (< netstandard2.1)) (&& (== net6.0-windows7.0) (>= net461)) (&& (== net6.0-windows7.0) (< netstandard2.1)) (== netstandard2.0)
    Microsoft.Extensions.DependencyModel (6.0)
      System.Buffers (>= 4.5.1)
      System.Memory (>= 4.5.4)
      System.Runtime.CompilerServices.Unsafe (>= 6.0)
      System.Runtime.InteropServices.RuntimeInformation (>= 4.3) - restriction: || (== net471) (&& (== net6.0) (>= net461)) (&& (== net6.0-windows7.0) (>= net461)) (&& (== netstandard2.0) (>= net461))
      System.Text.Encodings.Web (>= 6.0)
      System.Text.Json (>= 6.0)
    Microsoft.Extensions.Logging (6.0)
      Microsoft.Bcl.AsyncInterfaces (>= 6.0) - restriction: || (== net471) (&& (== net6.0) (>= net461)) (&& (== net6.0) (< netstandard2.1)) (&& (== net6.0-windows7.0) (>= net461)) (&& (== net6.0-windows7.0) (< netstandard2.1)) (== netstandard2.0)
      Microsoft.Extensions.DependencyInjection (>= 6.0)
      Microsoft.Extensions.DependencyInjection.Abstractions (>= 6.0)
      Microsoft.Extensions.Logging.Abstractions (>= 6.0)
      Microsoft.Extensions.Options (>= 6.0)
      System.Diagnostics.DiagnosticSource (>= 6.0)
      System.ValueTuple (>= 4.5) - restriction: || (== net471) (&& (== net6.0) (>= net461)) (&& (== net6.0-windows7.0) (>= net461)) (&& (== netstandard2.0) (>= net461))
    Microsoft.Extensions.Logging.Abstractions (6.0)
      System.Buffers (>= 4.5.1) - restriction: || (== net471) (&& (== net6.0) (>= net461)) (&& (== net6.0-windows7.0) (>= net461)) (&& (== net6.0-windows7.0) (< net6.0)) (== netstandard2.0)
      System.Memory (>= 4.5.4) - restriction: || (== net471) (&& (== net6.0) (>= net461)) (&& (== net6.0-windows7.0) (>= net461)) (&& (== net6.0-windows7.0) (< net6.0)) (== netstandard2.0)
    Microsoft.Extensions.Options (6.0)
      Microsoft.Extensions.DependencyInjection.Abstractions (>= 6.0)
      Microsoft.Extensions.Primitives (>= 6.0)
      System.ComponentModel.Annotations (>= 5.0) - restriction: || (&& (== net471) (< net461)) (&& (== net6.0) (< netstandard2.1)) (&& (== net6.0-windows7.0) (< netstandard2.1)) (== netstandard2.0)
    Microsoft.Extensions.Primitives (6.0)
      System.Memory (>= 4.5.4) - restriction: || (== net471) (&& (== net6.0) (>= net461)) (&& (== net6.0) (< netcoreapp3.1)) (&& (== net6.0-windows7.0) (>= net461)) (&& (== net6.0-windows7.0) (< netcoreapp3.1)) (== netstandard2.0)
      System.Runtime.CompilerServices.Unsafe (>= 6.0)
    Microsoft.IdentityModel.JsonWebTokens (6.16) - restriction: || (&& (== net471) (>= net5.0)) (== net6.0) (== net6.0-windows7.0) (&& (== netstandard2.0) (>= net5.0))
      Microsoft.IdentityModel.Tokens (>= 6.16)
    Microsoft.IdentityModel.Logging (6.16) - restriction: || (&& (== net471) (>= net5.0)) (== net6.0) (== net6.0-windows7.0) (&& (== netstandard2.0) (>= net5.0))
    Microsoft.IdentityModel.Protocols (6.16) - restriction: || (&& (== net471) (>= net5.0)) (== net6.0) (== net6.0-windows7.0) (&& (== netstandard2.0) (>= net5.0))
      Microsoft.IdentityModel.Logging (>= 6.16)
      Microsoft.IdentityModel.Tokens (>= 6.16)
    Microsoft.IdentityModel.Protocols.OpenIdConnect (6.16) - restriction: || (&& (== net471) (>= net5.0)) (== net6.0) (== net6.0-windows7.0) (&& (== netstandard2.0) (>= net5.0))
      Microsoft.IdentityModel.Protocols (>= 6.16)
      System.IdentityModel.Tokens.Jwt (>= 6.16)
    Microsoft.IdentityModel.Tokens (6.16) - restriction: || (&& (== net471) (>= net5.0)) (== net6.0) (== net6.0-windows7.0) (&& (== netstandard2.0) (>= net5.0))
      Microsoft.CSharp (>= 4.5) - restriction: || (&& (== net471) (< net45)) (== net6.0) (== net6.0-windows7.0) (== netstandard2.0)
      Microsoft.IdentityModel.Logging (>= 6.16)
      System.Security.Cryptography.Cng (>= 4.5) - restriction: || (&& (== net471) (< net45)) (== net6.0) (== net6.0-windows7.0) (== netstandard2.0)
    Microsoft.IO.RecyclableMemoryStream (2.2) - restriction: || (&& (== net471) (>= net5.0)) (== net6.0) (== net6.0-windows7.0) (&& (== netstandard2.0) (>= net5.0))
    Microsoft.NETCore.Platforms (6.0.1) - restriction: || (&& (== net471) (< net45)) (== net6.0) (== net6.0-windows7.0) (== netstandard2.0)
    Microsoft.NETCore.Targets (5.0) - restriction: || (&& (== net471) (< net45)) (== net6.0) (== net6.0-windows7.0) (== netstandard2.0)
    Microsoft.NETFramework.ReferenceAssemblies (1.0.3)
      Microsoft.NETFramework.ReferenceAssemblies.net471 (>= 1.0.3) - restriction: || (== net471) (&& (== net6.0) (>= net471)) (&& (== net6.0-windows7.0) (>= net471)) (&& (== netstandard2.0) (>= net471))
    Microsoft.NETFramework.ReferenceAssemblies.net471 (1.0.3) - restriction: || (== net471) (&& (== net6.0) (>= net471)) (&& (== net6.0-windows7.0) (>= net471)) (&& (== netstandard2.0) (>= net471))
    Microsoft.Win32.Registry (5.0) - restriction: || (== net471) (&& (== net6.0-windows7.0) (< net6.0)) (== netstandard2.0)
      System.Buffers (>= 4.5.1) - restriction: || (&& (== net471) (>= monoandroid) (< netstandard1.3)) (&& (== net471) (>= monotouch)) (&& (== net471) (< net46)) (&& (== net471) (>= xamarinios)) (&& (== net471) (>= xamarinmac)) (&& (== net471) (>= xamarintvos)) (&& (== net471) (>= xamarinwatchos)) (&& (== net6.0) (>= monoandroid) (< netstandard1.3)) (&& (== net6.0) (>= monotouch)) (&& (== net6.0) (< netcoreapp2.0)) (&& (== net6.0) (>= xamarinios)) (&& (== net6.0) (>= xamarinmac)) (&& (== net6.0) (>= xamarintvos)) (&& (== net6.0) (>= xamarinwatchos)) (&& (== net6.0-windows7.0) (>= monoandroid) (< netstandard1.3)) (&& (== net6.0-windows7.0) (>= monotouch)) (&& (== net6.0-windows7.0) (< netcoreapp2.0)) (&& (== net6.0-windows7.0) (>= xamarinios)) (&& (== net6.0-windows7.0) (>= xamarinmac)) (&& (== net6.0-windows7.0) (>= xamarintvos)) (&& (== net6.0-windows7.0) (>= xamarinwatchos)) (== netstandard2.0)
      System.Memory (>= 4.5.4) - restriction: || (&& (== net471) (< net46)) (&& (== net471) (>= netcoreapp2.0)) (&& (== net471) (>= uap10.1)) (&& (== net6.0) (< netcoreapp2.0)) (&& (== net6.0) (< netcoreapp2.1)) (&& (== net6.0) (>= uap10.1)) (&& (== net6.0-windows7.0) (< netcoreapp2.0)) (&& (== net6.0-windows7.0) (< netcoreapp2.1)) (&& (== net6.0-windows7.0) (>= uap10.1)) (== netstandard2.0)
      System.Security.AccessControl (>= 5.0)
      System.Security.Principal.Windows (>= 5.0)
    NETStandard.Library (2.0.3) - restriction: || (&& (== net471) (< net45)) (== net6.0) (== net6.0-windows7.0) (== netstandard2.0)
      Microsoft.NETCore.Platforms (>= 1.1)
    Newtonsoft.Json (13.0.1)
    Perfolizer (0.2.1)
      System.Memory (>= 4.5.3)
    Ply (0.3.1) - restriction: || (&& (== net471) (>= net5.0)) (== net6.0) (== net6.0-windows7.0) (&& (== netstandard2.0) (>= net5.0))
      FSharp.Core (>= 4.6.2)
      System.Threading.Tasks.Extensions (>= 4.5.4)
    Saturn (0.15)
      FSharp.Control.Websockets (>= 0.2.2) - restriction: || (&& (== net471) (>= net5.0)) (== net6.0) (== net6.0-windows7.0) (&& (== netstandard2.0) (>= net5.0))
      FSharp.Core (>= 5.0.1) - restriction: || (&& (== net471) (>= net5.0)) (== net6.0) (== net6.0-windows7.0) (&& (== netstandard2.0) (>= net5.0))
      Giraffe (>= 5.0) - restriction: || (&& (== net471) (>= net5.0)) (== net6.0) (== net6.0-windows7.0) (&& (== netstandard2.0) (>= net5.0))
      Microsoft.AspNetCore.Authentication.JwtBearer (>= 5.0.7) - restriction: || (&& (== net471) (>= net5.0)) (== net6.0) (== net6.0-windows7.0) (&& (== netstandard2.0) (>= net5.0))
    SharpZipLib (1.4.2)
      System.Memory (>= 4.5.4) - restriction: || (== net471) (&& (== net6.0) (< netstandard2.1)) (&& (== net6.0-windows7.0) (< netstandard2.1)) (== netstandard2.0)
      System.Threading.Tasks.Extensions (>= 4.5.2) - restriction: || (== net471) (&& (== net6.0) (< netstandard2.1)) (&& (== net6.0-windows7.0) (< netstandard2.1)) (== netstandard2.0)
    Silk.NET.Core (2.15)
      Microsoft.Bcl.HashCode (>= 1.1.1) - restriction: || (== net471) (&& (== net6.0) (< netstandard2.1)) (&& (== net6.0-windows7.0) (< netstandard2.1)) (== netstandard2.0)
      Microsoft.CSharp (>= 4.7)
      Microsoft.DotNet.PlatformAbstractions (>= 3.1.6)
      Microsoft.Extensions.DependencyModel (>= 5.0)
      System.Memory (>= 4.5.4)
      System.Numerics.Vectors (>= 4.5)
      System.Runtime.CompilerServices.Unsafe (>= 6.0)
    Silk.NET.GLFW (2.15)
      Silk.NET.Core (>= 2.15)
      Ultz.Native.GLFW (>= 3.3.3.1)
    SixLabors.ImageSharp (2.1.3)
      System.Buffers (>= 4.5.1) - restriction: || (== net471) (&& (== net6.0) (>= net472)) (&& (== net6.0) (< netcoreapp2.1)) (&& (== net6.0-windows7.0) (>= net472)) (&& (== net6.0-windows7.0) (< netcoreapp2.1)) (== netstandard2.0)
      System.Memory (>= 4.5.4) - restriction: || (== net471) (&& (== net6.0) (>= net472)) (&& (== net6.0) (< netcoreapp2.1)) (&& (== net6.0-windows7.0) (>= net472)) (&& (== net6.0-windows7.0) (< netcoreapp2.1)) (== netstandard2.0)
      System.Numerics.Vectors (>= 4.5) - restriction: || (== net471) (&& (== net6.0) (>= net472)) (&& (== net6.0) (< netcoreapp2.1)) (&& (== net6.0-windows7.0) (>= net472)) (&& (== net6.0-windows7.0) (< netcoreapp2.1)) (== netstandard2.0)
      System.Runtime.CompilerServices.Unsafe (>= 5.0)
      System.Text.Encoding.CodePages (>= 5.0)
    Suave (2.5.6)
      FSharp.Core (>= 4.3.4)
    System.Buffers (4.5.1)
    System.CodeDom (6.0)
    System.Collections (4.3) - restriction: || (&& (== net471) (< net45)) (== net6.0) (== net6.0-windows7.0) (== netstandard2.0)
      Microsoft.NETCore.Platforms (>= 1.1) - restriction: || (&& (== net471) (< net45)) (== net6.0) (== net6.0-windows7.0) (== netstandard2.0)
      Microsoft.NETCore.Targets (>= 1.1) - restriction: || (&& (== net471) (< net45)) (== net6.0) (== net6.0-windows7.0) (== netstandard2.0)
      System.Runtime (>= 4.3) - restriction: || (&& (== net471) (< net45)) (== net6.0) (== net6.0-windows7.0) (== netstandard2.0)
    System.Collections.Immutable (6.0)
      System.Memory (>= 4.5.4) - restriction: || (== net471) (&& (== net6.0) (>= net461)) (&& (== net6.0-windows7.0) (>= net461)) (&& (== net6.0-windows7.0) (< net6.0)) (== netstandard2.0)
      System.Runtime.CompilerServices.Unsafe (>= 6.0)
    System.ComponentModel.Annotations (5.0) - restriction: || (&& (== net471) (== net6.0)) (&& (== net471) (== net6.0-windows7.0)) (&& (== net471) (< net461)) (&& (== net6.0) (< netstandard2.1)) (&& (== net6.0-windows7.0) (< netstandard2.1)) (== netstandard2.0)
    System.Diagnostics.Debug (4.3) - restriction: || (&& (== net471) (< net45)) (== net6.0) (== net6.0-windows7.0) (== netstandard2.0)
      Microsoft.NETCore.Platforms (>= 1.1) - restriction: || (&& (== net471) (< net45)) (== net6.0) (== net6.0-windows7.0) (== netstandard2.0)
      Microsoft.NETCore.Targets (>= 1.1) - restriction: || (&& (== net471) (< net45)) (== net6.0) (== net6.0-windows7.0) (== netstandard2.0)
      System.Runtime (>= 4.3) - restriction: || (&& (== net471) (< net45)) (== net6.0) (== net6.0-windows7.0) (== netstandard2.0)
    System.Diagnostics.DiagnosticSource (6.0)
      System.Memory (>= 4.5.4) - restriction: || (== net471) (&& (== net6.0) (>= net461)) (&& (== net6.0) (< net5.0)) (&& (== net6.0-windows7.0) (>= net461)) (&& (== net6.0-windows7.0) (< net5.0)) (== netstandard2.0)
      System.Runtime.CompilerServices.Unsafe (>= 6.0)
    System.Dynamic.Runtime (4.3)
      System.Collections (>= 4.3) - restriction: || (&& (== net471) (< net45)) (== net6.0) (== net6.0-windows7.0) (== netstandard2.0)
      System.Diagnostics.Debug (>= 4.3) - restriction: || (&& (== net471) (< net45)) (== net6.0) (== net6.0-windows7.0) (== netstandard2.0)
      System.Linq (>= 4.3) - restriction: || (&& (== net471) (< net45)) (== net6.0) (== net6.0-windows7.0) (== netstandard2.0)
      System.Linq.Expressions (>= 4.3) - restriction: || (&& (== net471) (< net45)) (== net6.0) (== net6.0-windows7.0) (== netstandard2.0)
      System.ObjectModel (>= 4.3) - restriction: || (&& (== net471) (< net45)) (== net6.0) (== net6.0-windows7.0) (== netstandard2.0)
      System.Reflection (>= 4.3) - restriction: || (&& (== net471) (< net45)) (== net6.0) (== net6.0-windows7.0) (== netstandard2.0)
      System.Reflection.Emit (>= 4.3) - restriction: || (&& (== net471) (< net45)) (== net6.0) (== net6.0-windows7.0) (== netstandard2.0)
      System.Reflection.Emit.ILGeneration (>= 4.3) - restriction: || (&& (== net471) (< net45)) (== net6.0) (== net6.0-windows7.0) (== netstandard2.0)
      System.Reflection.Primitives (>= 4.3) - restriction: || (&& (== net471) (< net45)) (== net6.0) (== net6.0-windows7.0) (== netstandard2.0)
      System.Reflection.TypeExtensions (>= 4.3) - restriction: || (&& (== net471) (< net45)) (== net6.0) (== net6.0-windows7.0) (== netstandard2.0)
      System.Resources.ResourceManager (>= 4.3) - restriction: || (&& (== net471) (< net45)) (== net6.0) (== net6.0-windows7.0) (== netstandard2.0)
      System.Runtime (>= 4.3) - restriction: || (&& (== net471) (< net45)) (== net6.0) (== net6.0-windows7.0) (== netstandard2.0)
      System.Runtime.Extensions (>= 4.3) - restriction: || (&& (== net471) (< net45)) (== net6.0) (== net6.0-windows7.0) (== netstandard2.0)
      System.Threading (>= 4.3) - restriction: || (&& (== net471) (< net45)) (== net6.0) (== net6.0-windows7.0) (== netstandard2.0)
    System.Formats.Asn1 (6.0) - restriction: || (&& (== net471) (>= net5.0)) (== net6.0) (== net6.0-windows7.0) (&& (== netstandard2.0) (>= net5.0))
    System.Globalization (4.3) - restriction: || (&& (== net471) (< net45)) (== net6.0) (== net6.0-windows7.0) (== netstandard2.0)
      Microsoft.NETCore.Platforms (>= 1.1) - restriction: || (&& (== net471) (< net45)) (== net6.0) (== net6.0-windows7.0) (== netstandard2.0)
      Microsoft.NETCore.Targets (>= 1.1) - restriction: || (&& (== net471) (< net45)) (== net6.0) (== net6.0-windows7.0) (== netstandard2.0)
      System.Runtime (>= 4.3) - restriction: || (&& (== net471) (< net45)) (== net6.0) (== net6.0-windows7.0) (== netstandard2.0)
    System.IdentityModel.Tokens.Jwt (6.16) - restriction: || (&& (== net471) (>= net5.0)) (== net6.0) (== net6.0-windows7.0) (&& (== netstandard2.0) (>= net5.0))
      Microsoft.IdentityModel.JsonWebTokens (>= 6.16)
      Microsoft.IdentityModel.Tokens (>= 6.16)
    System.IO (4.3) - restriction: || (&& (== net471) (< net45)) (== net6.0) (== net6.0-windows7.0) (== netstandard2.0)
      Microsoft.NETCore.Platforms (>= 1.1) - restriction: || (&& (== net471) (< net45)) (== net6.0) (== net6.0-windows7.0) (== netstandard2.0)
      Microsoft.NETCore.Targets (>= 1.1) - restriction: || (&& (== net471) (< net45)) (== net6.0) (== net6.0-windows7.0) (== netstandard2.0)
      System.Runtime (>= 4.3) - restriction: || (&& (== net471) (< net45)) (== net6.0) (== net6.0-windows7.0) (== netstandard2.0)
      System.Text.Encoding (>= 4.3) - restriction: || (&& (== net471) (< net45)) (== net6.0) (== net6.0-windows7.0) (== netstandard2.0)
      System.Threading.Tasks (>= 4.3) - restriction: || (&& (== net471) (< net45)) (== net6.0) (== net6.0-windows7.0) (== netstandard2.0)
    System.Linq (4.3) - restriction: || (&& (== net471) (< net45)) (== net6.0) (== net6.0-windows7.0) (== netstandard2.0)
      System.Collections (>= 4.3) - restriction: || (&& (== net471) (< net45)) (== net6.0) (== net6.0-windows7.0) (== netstandard2.0)
      System.Diagnostics.Debug (>= 4.3) - restriction: || (&& (== net471) (< net45)) (== net6.0) (== net6.0-windows7.0) (== netstandard2.0)
      System.Resources.ResourceManager (>= 4.3) - restriction: || (&& (== net471) (< net45)) (== net6.0) (== net6.0-windows7.0) (== netstandard2.0)
      System.Runtime (>= 4.3) - restriction: || (&& (== net471) (< net45)) (== net6.0) (== net6.0-windows7.0) (== netstandard2.0)
      System.Runtime.Extensions (>= 4.3) - restriction: || (&& (== net471) (< net45)) (== net6.0) (== net6.0-windows7.0) (== netstandard2.0)
    System.Linq.Expressions (4.3) - restriction: || (&& (== net471) (< net45)) (== net6.0) (== net6.0-windows7.0) (== netstandard2.0)
      System.Collections (>= 4.3) - restriction: || (&& (== net471) (< net45)) (== net6.0) (== net6.0-windows7.0) (== netstandard2.0)
      System.Diagnostics.Debug (>= 4.3) - restriction: || (&& (== net471) (< net45)) (== net6.0) (== net6.0-windows7.0) (== netstandard2.0)
      System.Globalization (>= 4.3) - restriction: || (&& (== net471) (< net45)) (== net6.0) (== net6.0-windows7.0) (== netstandard2.0)
      System.IO (>= 4.3) - restriction: || (&& (== net471) (< net45)) (== net6.0) (== net6.0-windows7.0) (== netstandard2.0)
      System.Linq (>= 4.3) - restriction: || (&& (== net471) (< net45)) (== net6.0) (== net6.0-windows7.0) (== netstandard2.0)
      System.ObjectModel (>= 4.3) - restriction: || (&& (== net471) (< net45)) (== net6.0) (== net6.0-windows7.0) (== netstandard2.0)
      System.Reflection (>= 4.3) - restriction: || (&& (== net471) (< net45)) (== net6.0) (== net6.0-windows7.0) (== netstandard2.0)
      System.Reflection.Emit (>= 4.3) - restriction: || (&& (== net471) (< net45)) (== net6.0) (== net6.0-windows7.0) (== netstandard2.0)
      System.Reflection.Emit.ILGeneration (>= 4.3) - restriction: || (&& (== net471) (< net45)) (== net6.0) (== net6.0-windows7.0) (== netstandard2.0)
      System.Reflection.Emit.Lightweight (>= 4.3) - restriction: || (&& (== net471) (< net45)) (== net6.0) (== net6.0-windows7.0) (== netstandard2.0)
      System.Reflection.Extensions (>= 4.3) - restriction: || (&& (== net471) (< net45)) (== net6.0) (== net6.0-windows7.0) (== netstandard2.0)
      System.Reflection.Primitives (>= 4.3) - restriction: || (&& (== net471) (< net45)) (== net6.0) (== net6.0-windows7.0) (== netstandard2.0)
      System.Reflection.TypeExtensions (>= 4.3) - restriction: || (&& (== net471) (< net45)) (== net6.0) (== net6.0-windows7.0) (== netstandard2.0)
      System.Resources.ResourceManager (>= 4.3) - restriction: || (&& (== net471) (< net45)) (== net6.0) (== net6.0-windows7.0) (== netstandard2.0)
      System.Runtime (>= 4.3) - restriction: || (&& (== net471) (< net45)) (== net6.0) (== net6.0-windows7.0) (== netstandard2.0)
      System.Runtime.Extensions (>= 4.3) - restriction: || (&& (== net471) (< net45)) (== net6.0) (== net6.0-windows7.0) (== netstandard2.0)
      System.Threading (>= 4.3) - restriction: || (&& (== net471) (< net45)) (== net6.0) (== net6.0-windows7.0) (== netstandard2.0)
    System.Management (6.0)
      System.CodeDom (>= 6.0)
    System.Memory (4.5.5)
      System.Buffers (>= 4.5.1) - restriction: || (== net471) (&& (== net6.0) (>= monotouch)) (&& (== net6.0) (>= net461)) (&& (== net6.0) (< netcoreapp2.0)) (&& (== net6.0) (< netstandard1.1)) (&& (== net6.0) (< netstandard2.0)) (&& (== net6.0) (>= xamarinios)) (&& (== net6.0) (>= xamarinmac)) (&& (== net6.0) (>= xamarintvos)) (&& (== net6.0) (>= xamarinwatchos)) (&& (== net6.0-windows7.0) (>= monotouch)) (&& (== net6.0-windows7.0) (>= net461)) (&& (== net6.0-windows7.0) (< netcoreapp2.0)) (&& (== net6.0-windows7.0) (< netstandard1.1)) (&& (== net6.0-windows7.0) (< netstandard2.0)) (&& (== net6.0-windows7.0) (>= xamarinios)) (&& (== net6.0-windows7.0) (>= xamarinmac)) (&& (== net6.0-windows7.0) (>= xamarintvos)) (&& (== net6.0-windows7.0) (>= xamarinwatchos)) (== netstandard2.0)
      System.Numerics.Vectors (>= 4.4) - restriction: || (&& (== net471) (< net45)) (&& (== net6.0) (< netcoreapp2.0)) (&& (== net6.0-windows7.0) (< netcoreapp2.0)) (== netstandard2.0)
      System.Runtime.CompilerServices.Unsafe (>= 4.5.3) - restriction: || (== net471) (&& (== net6.0) (>= monotouch)) (&& (== net6.0) (>= net461)) (&& (== net6.0) (< netcoreapp2.0)) (&& (== net6.0) (< netcoreapp2.1)) (&& (== net6.0) (< netstandard1.1)) (&& (== net6.0) (< netstandard2.0)) (&& (== net6.0) (>= uap10.1)) (&& (== net6.0) (>= xamarinios)) (&& (== net6.0) (>= xamarinmac)) (&& (== net6.0) (>= xamarintvos)) (&& (== net6.0) (>= xamarinwatchos)) (&& (== net6.0-windows7.0) (>= monotouch)) (&& (== net6.0-windows7.0) (>= net461)) (&& (== net6.0-windows7.0) (< netcoreapp2.0)) (&& (== net6.0-windows7.0) (< netcoreapp2.1)) (&& (== net6.0-windows7.0) (< netstandard1.1)) (&& (== net6.0-windows7.0) (< netstandard2.0)) (&& (== net6.0-windows7.0) (>= uap10.1)) (&& (== net6.0-windows7.0) (>= xamarinios)) (&& (== net6.0-windows7.0) (>= xamarinmac)) (&& (== net6.0-windows7.0) (>= xamarintvos)) (&& (== net6.0-windows7.0) (>= xamarinwatchos)) (== netstandard2.0)
    System.Numerics.Vectors (4.5)
    System.ObjectModel (4.3) - restriction: || (&& (== net471) (< net45)) (== net6.0) (== net6.0-windows7.0) (== netstandard2.0)
      System.Collections (>= 4.3) - restriction: || (&& (== net471) (< net45)) (== net6.0) (== net6.0-windows7.0) (== netstandard2.0)
      System.Diagnostics.Debug (>= 4.3) - restriction: || (&& (== net471) (< net45)) (== net6.0) (== net6.0-windows7.0) (== netstandard2.0)
      System.Resources.ResourceManager (>= 4.3) - restriction: || (&& (== net471) (< net45)) (== net6.0) (== net6.0-windows7.0) (== netstandard2.0)
      System.Runtime (>= 4.3) - restriction: || (&& (== net471) (< net45)) (== net6.0) (== net6.0-windows7.0) (== netstandard2.0)
      System.Threading (>= 4.3) - restriction: || (&& (== net471) (< net45)) (== net6.0) (== net6.0-windows7.0) (== netstandard2.0)
    System.Reflection (4.3) - restriction: || (&& (== net471) (< net45)) (== net6.0) (== net6.0-windows7.0) (== netstandard2.0)
      Microsoft.NETCore.Platforms (>= 1.1) - restriction: || (&& (== net471) (< net45)) (== net6.0) (== net6.0-windows7.0) (== netstandard2.0)
      Microsoft.NETCore.Targets (>= 1.1) - restriction: || (&& (== net471) (< net45)) (== net6.0) (== net6.0-windows7.0) (== netstandard2.0)
      System.IO (>= 4.3) - restriction: || (&& (== net471) (< net45)) (== net6.0) (== net6.0-windows7.0) (== netstandard2.0)
      System.Reflection.Primitives (>= 4.3) - restriction: || (&& (== net471) (< net45)) (== net6.0) (== net6.0-windows7.0) (== netstandard2.0)
      System.Runtime (>= 4.3) - restriction: || (&& (== net471) (< net45)) (== net6.0) (== net6.0-windows7.0) (== netstandard2.0)
    System.Reflection.Emit (4.7)
      System.Reflection.Emit.ILGeneration (>= 4.7) - restriction: || (&& (== net471) (< net45)) (&& (== net471) (< netstandard1.1)) (&& (== net471) (< netstandard2.0) (>= wpa81)) (&& (== net471) (>= uap10.1)) (&& (== net6.0) (< netcoreapp2.0) (< netstandard2.1)) (&& (== net6.0) (< netstandard1.1)) (&& (== net6.0) (< netstandard2.0)) (&& (== net6.0) (>= uap10.1)) (&& (== net6.0-windows7.0) (< netcoreapp2.0) (< netstandard2.1)) (&& (== net6.0-windows7.0) (< netstandard1.1)) (&& (== net6.0-windows7.0) (< netstandard2.0)) (&& (== net6.0-windows7.0) (>= uap10.1)) (== netstandard2.0)
    System.Reflection.Emit.ILGeneration (4.7) - restriction: || (&& (== net471) (< net45)) (&& (== net471) (< netstandard1.1)) (&& (== net471) (< netstandard2.0) (>= wpa81)) (&& (== net471) (>= uap10.1)) (== net6.0) (== net6.0-windows7.0) (== netstandard2.0)
    System.Reflection.Emit.Lightweight (4.7)
      System.Reflection.Emit.ILGeneration (>= 4.7) - restriction: || (&& (== net471) (< net45)) (&& (== net471) (< netstandard2.0) (>= wpa81)) (&& (== net471) (< portable-net45+wp8)) (&& (== net471) (>= uap10.1)) (&& (== net6.0) (< netcoreapp2.0) (< netstandard2.1)) (&& (== net6.0) (< netstandard2.0)) (&& (== net6.0) (< portable-net45+wp8)) (&& (== net6.0) (>= uap10.1)) (&& (== net6.0-windows7.0) (< netcoreapp2.0) (< netstandard2.1)) (&& (== net6.0-windows7.0) (< netstandard2.0)) (&& (== net6.0-windows7.0) (< portable-net45+wp8)) (&& (== net6.0-windows7.0) (>= uap10.1)) (== netstandard2.0)
    System.Reflection.Extensions (4.3) - restriction: || (&& (== net471) (< net45)) (== net6.0) (== net6.0-windows7.0) (== netstandard2.0)
      Microsoft.NETCore.Platforms (>= 1.1) - restriction: || (&& (== net471) (< net45)) (== net6.0) (== net6.0-windows7.0) (== netstandard2.0)
      Microsoft.NETCore.Targets (>= 1.1) - restriction: || (&& (== net471) (< net45)) (== net6.0) (== net6.0-windows7.0) (== netstandard2.0)
      System.Reflection (>= 4.3) - restriction: || (&& (== net471) (< net45)) (== net6.0) (== net6.0-windows7.0) (== netstandard2.0)
      System.Runtime (>= 4.3) - restriction: || (&& (== net471) (< net45)) (== net6.0) (== net6.0-windows7.0) (== netstandard2.0)
    System.Reflection.Metadata (6.0)
      System.Collections.Immutable (>= 6.0)
    System.Reflection.Primitives (4.3) - restriction: || (&& (== net471) (< net45)) (== net6.0) (== net6.0-windows7.0) (== netstandard2.0)
      Microsoft.NETCore.Platforms (>= 1.1) - restriction: || (&& (== net471) (< net45)) (== net6.0) (== net6.0-windows7.0) (== netstandard2.0)
      Microsoft.NETCore.Targets (>= 1.1) - restriction: || (&& (== net471) (< net45)) (== net6.0) (== net6.0-windows7.0) (== netstandard2.0)
      System.Runtime (>= 4.3) - restriction: || (&& (== net471) (< net45)) (== net6.0) (== net6.0-windows7.0) (== netstandard2.0)
    System.Reflection.TypeExtensions (4.7) - restriction: || (&& (== net471) (< net45)) (== net6.0) (== net6.0-windows7.0) (== netstandard2.0)
    System.Resources.ResourceManager (4.3) - restriction: || (&& (== net471) (< net45)) (== net6.0) (== net6.0-windows7.0) (== netstandard2.0)
      Microsoft.NETCore.Platforms (>= 1.1) - restriction: || (&& (== net471) (< net45)) (== net6.0) (== net6.0-windows7.0) (== netstandard2.0)
      Microsoft.NETCore.Targets (>= 1.1) - restriction: || (&& (== net471) (< net45)) (== net6.0) (== net6.0-windows7.0) (== netstandard2.0)
      System.Globalization (>= 4.3) - restriction: || (&& (== net471) (< net45)) (== net6.0) (== net6.0-windows7.0) (== netstandard2.0)
      System.Reflection (>= 4.3) - restriction: || (&& (== net471) (< net45)) (== net6.0) (== net6.0-windows7.0) (== netstandard2.0)
      System.Runtime (>= 4.3) - restriction: || (&& (== net471) (< net45)) (== net6.0) (== net6.0-windows7.0) (== netstandard2.0)
    System.Runtime (4.3.1) - restriction: || (&& (== net471) (< net45)) (== net6.0) (== net6.0-windows7.0) (== netstandard2.0)
      Microsoft.NETCore.Platforms (>= 1.1.1) - restriction: || (&& (== net471) (< net45)) (== net6.0) (== net6.0-windows7.0) (== netstandard2.0)
      Microsoft.NETCore.Targets (>= 1.1.3) - restriction: || (&& (== net471) (< net45)) (== net6.0) (== net6.0-windows7.0) (== netstandard2.0)
    System.Runtime.CompilerServices.Unsafe (6.0)
    System.Runtime.Extensions (4.3.1) - restriction: || (&& (== net471) (< net45)) (== net6.0) (== net6.0-windows7.0) (== netstandard2.0)
      Microsoft.NETCore.Platforms (>= 1.1.1) - restriction: || (&& (== net471) (< net45)) (== net6.0) (== net6.0-windows7.0) (== netstandard2.0)
      Microsoft.NETCore.Targets (>= 1.1.3) - restriction: || (&& (== net471) (< net45)) (== net6.0) (== net6.0-windows7.0) (== netstandard2.0)
      System.Runtime (>= 4.3.1) - restriction: || (&& (== net471) (< net45)) (== net6.0) (== net6.0-windows7.0) (== netstandard2.0)
    System.Runtime.InteropServices.RuntimeInformation (4.3) - restriction: || (== net471) (&& (== net6.0) (>= net461)) (&& (== net6.0-windows7.0) (>= net461)) (&& (== netstandard2.0) (>= net461))
    System.Security.AccessControl (6.0) - restriction: || (== net471) (&& (== net6.0-windows7.0) (>= monoandroid) (< netstandard1.3)) (&& (== net6.0-windows7.0) (>= monotouch)) (&& (== net6.0-windows7.0) (>= net461)) (&& (== net6.0-windows7.0) (< net6.0)) (&& (== net6.0-windows7.0) (< netcoreapp2.0)) (&& (== net6.0-windows7.0) (>= uap10.1)) (== netstandard2.0)
      System.Security.Principal.Windows (>= 5.0) - restriction: || (== net471) (&& (== net6.0) (>= net461)) (&& (== net6.0-windows7.0) (>= net461)) (&& (== net6.0-windows7.0) (< net6.0)) (== netstandard2.0)
    System.Security.Cryptography.Cng (5.0) - restriction: || (&& (== net471) (>= net5.0)) (== net6.0) (== net6.0-windows7.0) (&& (== netstandard2.0) (>= net5.0))
      System.Formats.Asn1 (>= 5.0) - restriction: || (&& (== net471) (>= netcoreapp3.0)) (== net6.0) (== net6.0-windows7.0) (&& (== netstandard2.0) (>= netcoreapp3.0))
    System.Security.Principal.Windows (5.0) - restriction: || (== net471) (&& (== net6.0-windows7.0) (>= monoandroid) (< netstandard1.3)) (&& (== net6.0-windows7.0) (>= monotouch)) (&& (== net6.0-windows7.0) (>= net461)) (&& (== net6.0-windows7.0) (< net6.0)) (&& (== net6.0-windows7.0) (< netcoreapp2.0)) (&& (== net6.0-windows7.0) (>= uap10.1)) (== netstandard2.0)
    System.Text.Encoding (4.3) - restriction: || (&& (== net471) (< net45)) (== net6.0) (== net6.0-windows7.0) (== netstandard2.0)
      Microsoft.NETCore.Platforms (>= 1.1) - restriction: || (&& (== net471) (< net45)) (== net6.0) (== net6.0-windows7.0) (== netstandard2.0)
      Microsoft.NETCore.Targets (>= 1.1) - restriction: || (&& (== net471) (< net45)) (== net6.0) (== net6.0-windows7.0) (== netstandard2.0)
      System.Runtime (>= 4.3) - restriction: || (&& (== net471) (< net45)) (== net6.0) (== net6.0-windows7.0) (== netstandard2.0)
    System.Text.Encoding.CodePages (6.0)
      System.Memory (>= 4.5.4) - restriction: || (== net471) (&& (== net6.0) (>= net461)) (&& (== net6.0) (< netcoreapp3.1)) (&& (== net6.0-windows7.0) (>= net461)) (&& (== net6.0-windows7.0) (< netcoreapp3.1)) (== netstandard2.0)
      System.Runtime.CompilerServices.Unsafe (>= 6.0)
    System.Text.Encodings.Web (6.0)
      System.Runtime.CompilerServices.Unsafe (>= 6.0)
    System.Text.Json (6.0.1)
      System.Runtime.CompilerServices.Unsafe (>= 6.0)
      System.Text.Encodings.Web (>= 6.0)
    System.Threading (4.3) - restriction: || (&& (== net471) (< net45)) (== net6.0) (== net6.0-windows7.0) (== netstandard2.0)
      System.Runtime (>= 4.3) - restriction: || (&& (== net471) (< net45)) (== net6.0) (== net6.0-windows7.0) (== netstandard2.0)
      System.Threading.Tasks (>= 4.3) - restriction: || (&& (== net471) (< net45)) (== net6.0) (== net6.0-windows7.0) (== netstandard2.0)
    System.Threading.Tasks (4.3) - restriction: || (&& (== net471) (< net45)) (== net6.0) (== net6.0-windows7.0) (== netstandard2.0)
      Microsoft.NETCore.Platforms (>= 1.1) - restriction: || (&& (== net471) (< net45)) (== net6.0) (== net6.0-windows7.0) (== netstandard2.0)
      Microsoft.NETCore.Targets (>= 1.1) - restriction: || (&& (== net471) (< net45)) (== net6.0) (== net6.0-windows7.0) (== netstandard2.0)
      System.Runtime (>= 4.3) - restriction: || (&& (== net471) (< net45)) (== net6.0) (== net6.0-windows7.0) (== netstandard2.0)
    System.Threading.Tasks.Extensions (4.5.4)
      System.Runtime.CompilerServices.Unsafe (>= 4.5.3) - restriction: || (== net471) (&& (== net6.0) (>= net461)) (&& (== net6.0) (< netcoreapp2.1)) (&& (== net6.0) (< netstandard1.0)) (&& (== net6.0) (< netstandard2.0)) (&& (== net6.0) (>= wp8)) (&& (== net6.0-windows7.0) (>= net461)) (&& (== net6.0-windows7.0) (< netcoreapp2.1)) (&& (== net6.0-windows7.0) (< netstandard1.0)) (&& (== net6.0-windows7.0) (< netstandard2.0)) (&& (== net6.0-windows7.0) (>= wp8)) (== netstandard2.0)
    System.ValueTuple (4.5) - restriction: || (== net471) (== net6.0) (== net6.0-windows7.0) (&& (== netstandard2.0) (>= net45)) (&& (== netstandard2.0) (>= net461)) (&& (== netstandard2.0) (>= net5.0))
    TurboJpegWrapper (1.5.2)
      NETStandard.Library (>= 1.6.1) - restriction: || (&& (== net471) (< net45)) (== net6.0) (== net6.0-windows7.0) (== netstandard2.0)
    Ultz.Native.GLFW (3.3.3.1)
    Uncodium.Eigensystems (1.1.2)
      Aardvark.Base (>= 5.1 < 6.0)
    Unofficial.LibTessDotNet (2.0.2)
    Unofficial.OpenTK (3.0.21)
    Unofficial.OpenTK.GLControl (3.0.21)
      Unofficial.OpenTK (3.0.21)
    Unofficial.Typography (0.1)
      System.Numerics.Vectors (>= 4.5)
    Utf8Json (1.3.7) - restriction: || (&& (== net471) (>= net5.0)) (== net6.0) (== net6.0-windows7.0) (&& (== netstandard2.0) (>= net5.0))
      System.Reflection.Emit (>= 4.3)
      System.Reflection.Emit.Lightweight (>= 4.3)
      System.Threading.Tasks.Extensions (>= 4.4)
      System.ValueTuple (>= 4.4)
