STORAGE: NONE
RESTRICTION: || (== net471) (== net6.0) (== net8.0) (== net8.0-windows10.0.17763.0) (== netstandard2.0)
NUGET
  remote: https://api.nuget.org/v3/index.json
    Aardium (2.1.1-prerelease0002)
      Aardvark.Base (>= 5.3.0-prerelease0002 < 5.4.0-prerelease)
      FSharp.Core (>= 8.0)
      FSys (>= 0.0.1 < 0.1)
    Aardvark.Application (5.5.0-prerelease0001)
      Aardvark.Base.Essentials (>= 5.3.0-prerelease0003 < 5.4.0-prerelease)
      Aardvark.Base.Incremental (>= 5.3.0-prerelease0003 < 5.4.0-prerelease)
      Aardvark.Rendering (5.5.0-prerelease0001)
      FShade.Core (>= 5.6.0-prerelease0001 < 5.7.0-prerelease)
      FShade.GLSL (>= 5.6.0-prerelease0001)
      FSharp.Core (>= 8.0)
    Aardvark.Application.Slim (5.5.0-prerelease0001)
      Aardvark.Application (5.5.0-prerelease0001)
      Aardvark.Base.Essentials (>= 5.3.0-prerelease0003 < 5.4.0-prerelease)
      Aardvark.Base.Incremental (>= 5.3.0-prerelease0003 < 5.4.0-prerelease)
      Aardvark.Rendering (5.5.0-prerelease0001)
      FShade (>= 5.6.0-prerelease0001 < 5.7.0-prerelease)
      FSharp.Core (>= 8.0)
      Silk.NET.GLFW (2.15)
      Unofficial.OpenTK (>= 3.0.21 < 3.1)
    Aardvark.Application.Slim.GL (5.5.0-prerelease0001)
      Aardvark.Application (5.5.0-prerelease0001)
      Aardvark.Application.Slim (5.5.0-prerelease0001)
      Aardvark.Base.Essentials (>= 5.3.0-prerelease0003 < 5.4.0-prerelease)
      Aardvark.Base.Incremental (>= 5.3.0-prerelease0003 < 5.4.0-prerelease)
      Aardvark.Base.Tensors (>= 5.3.0-prerelease0003 < 5.4.0-prerelease)
      Aardvark.Rendering (5.5.0-prerelease0001)
      Aardvark.Rendering.GL (5.5.0-prerelease0001)
      FShade (>= 5.6.0-prerelease0001 < 5.7.0-prerelease)
      FSharp.Core (>= 8.0)
      Silk.NET.Core (2.15)
      Silk.NET.GLFW (2.15)
      Unofficial.OpenTK (>= 3.0.21 < 3.1)
    Aardvark.Application.WinForms (5.5.0-prerelease0001)
      Aardvark.Application (5.5.0-prerelease0001)
      Aardvark.Base.Essentials (>= 5.3.0-prerelease0003 < 5.4.0-prerelease)
      Aardvark.Base.Incremental (>= 5.3.0-prerelease0003 < 5.4.0-prerelease)
      Aardvark.Rendering (5.5.0-prerelease0001)
      FShade.Core (>= 5.6.0-prerelease0001 < 5.7.0-prerelease)
      FShade.GLSL (>= 5.6.0-prerelease0001)
      FSharp.Core (>= 8.0)
    Aardvark.Application.WinForms.GL (5.5.0-prerelease0001)
      Aardvark.Application (5.5.0-prerelease0001)
      Aardvark.Application.WinForms (5.5.0-prerelease0001)
      Aardvark.Base.Essentials (>= 5.3.0-prerelease0003 < 5.4.0-prerelease)
      Aardvark.Base.Incremental (>= 5.3.0-prerelease0003 < 5.4.0-prerelease)
      Aardvark.Rendering (5.5.0-prerelease0001)
      Aardvark.Rendering.GL (5.5.0-prerelease0001)
      FShade.Core (>= 5.6.0-prerelease0001 < 5.7.0-prerelease)
      FShade.GLSL (>= 5.6.0-prerelease0001)
      FSharp.Core (>= 8.0)
      Unofficial.OpenTK (>= 3.0.21 < 3.1)
      Unofficial.OpenTK.GLControl (>= 3.0.21 < 3.1)
    Aardvark.Assembler (0.1.0-prerelease0001)
      Aardvark.Base.FSharp (>= 5.3.0-prerelease0002)
      FSharp.Core (>= 8.0)
      FSharp.Data.Adaptive (>= 1.2.13 < 1.3)
    Aardvark.Base (5.3.0-prerelease0004)
      Aardvark.Base.Telemetry (5.3.0-prerelease0004)
      System.Collections.Immutable (>= 8.0)
      System.Reflection.Metadata (>= 8.0)
      System.Text.Json (>= 8.0.4)
    Aardvark.Base.Essentials (5.3.0-prerelease0004)
      Aardvark.Base (5.3.0-prerelease0004)
      System.Collections.Immutable (>= 8.0)
    Aardvark.Base.FSharp (5.3.0-prerelease0004)
      Aardvark.Base (5.3.0-prerelease0004)
      Aardvark.Base.TypeProviders (>= 4.5.15 < 4.6)
      FSharp.Core (>= 8.0)
      FSharp.Data.Adaptive (>= 1.2 < 1.3)
      FsPickler (>= 5.3.2 < 5.4)
      System.Dynamic.Runtime (>= 4.3 < 4.4)
    Aardvark.Base.Incremental (5.3.0-prerelease0004)
      Aardvark.Base (5.3.0-prerelease0004)
      Aardvark.Base.FSharp (5.3.0-prerelease0004)
      Aardvark.Base.TypeProviders (>= 4.5.15 < 4.6)
      FSharp.Core (>= 8.0)
      FSharp.Data.Adaptive (>= 1.2 < 1.3)
      FsPickler (>= 5.3.2 < 5.4)
    Aardvark.Base.IO (5.3.0-prerelease0004)
      Aardvark.Base (5.3.0-prerelease0004)
      Aardvark.Base.Tensors (5.3.0-prerelease0004)
      System.Dynamic.Runtime (>= 4.3 < 4.4)
    Aardvark.Base.Telemetry (5.3.0-prerelease0004)
    Aardvark.Base.Tensors (5.3.0-prerelease0004)
      Aardvark.Base (5.3.0-prerelease0004)
      Aardvark.Base.FSharp (5.3.0-prerelease0004)
      FSharp.Core (>= 8.0)
    Aardvark.Base.TypeProviders (4.5.15)
      FSharp.Core (>= 3.1.2.5) - restriction: || (== net471) (&& (== net6.0) (>= net45)) (&& (== net8.0) (>= net45)) (&& (== net8.0-windows10.0.17763.0) (>= net45)) (&& (== netstandard2.0) (>= net45))
      FSharp.Core (>= 4.2.3) - restriction: || (&& (== net471) (< net45)) (== net6.0) (== net8.0) (== net8.0-windows10.0.17763.0) (== netstandard2.0)
    Aardvark.Build (1.0.24)
    Aardvark.Geometry (5.3.0-prerelease0004)
      Aardvark.Base (5.3.0-prerelease0004)
      Aardvark.Base.FSharp (5.3.0-prerelease0004)
      Aardvark.Base.Tensors (5.3.0-prerelease0004)
      Aardvark.Base.TypeProviders (>= 4.5.15 < 4.6)
      FSharp.Core (>= 8.0)
      FSharp.Data.Adaptive (>= 1.2 < 1.3)
      FsPickler (>= 5.3.2 < 5.4)
      Unofficial.LibTessDotNet (>= 2.0.2 < 2.1)
    Aardvark.Geometry.Intersection (5.5.0-prerelease0001)
      Aardvark.Base.IO (>= 5.3.0-prerelease0003 < 5.4.0-prerelease)
    Aardvark.GPGPU (5.5.0-prerelease0001)
      Aardvark.Base.Incremental (>= 5.3.0-prerelease0003 < 5.4.0-prerelease)
      Aardvark.Rendering (5.5.0-prerelease0001)
      FShade.Core (>= 5.6.0-prerelease0001 < 5.7.0-prerelease)
      FShade.GLSL (>= 5.6.0-prerelease0001)
      FSharp.Core (>= 8.0)
    Aardvark.Rendering (5.5.0-prerelease0001)
      Aardvark.Base.Essentials (>= 5.3.0-prerelease0003 < 5.4.0-prerelease)
      Aardvark.Base.Incremental (>= 5.3.0-prerelease0003 < 5.4.0-prerelease)
      Aardvark.Base.Tensors (>= 5.3.0-prerelease0003 < 5.4.0-prerelease)
      Aardvark.Rendering.Common (5.5.0-prerelease0001)
      FShade.Core (>= 5.6.0-prerelease0001 < 5.7.0-prerelease)
      FShade.GLSL (>= 5.6.0-prerelease0001)
      FSharp.Core (>= 8.0)
      FSharp.Data.Adaptive (>= 1.2.13 < 1.3)
    Aardvark.Rendering.Common (5.5.0-prerelease0001)
      Aardvark.Base (>= 5.3.0-prerelease0003)
      FSharp.Core (>= 8.0)
      System.Reflection.Emit.Lightweight (>= 4.7)
    Aardvark.Rendering.GL (5.5.0-prerelease0001)
      Aardvark.Assembler (>= 0.1.0-prerelease0001 < 0.2.0-prerelease)
      Aardvark.Base.Essentials (>= 5.3.0-prerelease0003 < 5.4.0-prerelease)
      Aardvark.Base.Incremental (>= 5.3.0-prerelease0003 < 5.4.0-prerelease)
      Aardvark.Base.Tensors (>= 5.3.0-prerelease0003 < 5.4.0-prerelease)
      Aardvark.Geometry (>= 5.3.0-prerelease0003 < 5.4.0-prerelease)
      Aardvark.Rendering (5.5.0-prerelease0001)
      FShade (>= 5.6.0-prerelease0001 < 5.7.0-prerelease)
      FSharp.Core (>= 8.0)
      Unofficial.OpenTK (>= 3.0.21 < 3.1)
    Aardvark.Rendering.Text (5.5.0-prerelease0001)
      Aardvark.Base.Incremental (>= 5.3.0-prerelease0003 < 5.4.0-prerelease)
      Aardvark.Rendering (5.5.0-prerelease0001)
      Aardvark.SceneGraph (5.5.0-prerelease0001)
      CommonMark.NET (>= 0.15.1 < 0.16)
      FShade.Core (>= 5.6.0-prerelease0001 < 5.7.0-prerelease)
      FShade.GLSL (>= 5.6.0-prerelease0001)
      FSharp.Core (>= 8.0)
      Unofficial.LibTessDotNet (>= 2.0.2 < 2.1)
      Unofficial.Typography (>= 0.1 < 0.2)
    Aardvark.Rendering.Vulkan (5.5.0-prerelease0001)
      Aardvark.Base.FSharp (>= 5.3.0-prerelease0003 < 5.4.0-prerelease)
      Aardvark.Base.Incremental (>= 5.3.0-prerelease0003 < 5.4.0-prerelease)
      Aardvark.Base.Tensors (>= 5.3.0-prerelease0003 < 5.4.0-prerelease)
      Aardvark.Rendering (5.5.0-prerelease0001)
      FShade (>= 5.6.0-prerelease0001 < 5.7.0-prerelease)
      FSharp.Core (>= 8.0)
      GLSLangSharp (>= 0.4.14 < 0.5)
    Aardvark.SceneGraph (5.5.0-prerelease0001)
      Aardvark.Base.Incremental (>= 5.3.0-prerelease0003 < 5.4.0-prerelease)
      Aardvark.Rendering (5.5.0-prerelease0001)
      FShade.Core (>= 5.6.0-prerelease0001 < 5.7.0-prerelease)
      FShade.GLSL (>= 5.6.0-prerelease0001)
      FSharp.Core (>= 8.0)
    Aardvark.SceneGraph.IO (5.5.0-prerelease0001)
      Aardvark.Base.Incremental (>= 5.3.0-prerelease0003 < 5.4.0-prerelease)
      Aardvark.Base.Tensors (>= 5.3.0-prerelease0003 < 5.4.0-prerelease)
      Aardvark.Rendering (5.5.0-prerelease0001)
      Aardvark.SceneGraph (5.5.0-prerelease0001)
      AssimpNet (>= 5.0.0-beta1 < 5.1.0-beta)
      FShade.Core (>= 5.6.0-prerelease0001 < 5.7.0-prerelease)
      FShade.GLSL (>= 5.6.0-prerelease0001)
      FSharp.Core (>= 8.0)
    Aardvark.SceneGraph.Opc (5.5.0-prerelease0001)
      Aardvark.Base.Incremental (>= 5.3.0-prerelease0003 < 5.4.0-prerelease)
      Aardvark.Base.IO (>= 5.3.0-prerelease0003 < 5.4.0-prerelease)
      Aardvark.Rendering (5.5.0-prerelease0001)
      Aardvark.SceneGraph (5.5.0-prerelease0001)
      FSharp.Core (>= 8.0)
      SharpZipLib (>= 1.4.1 < 1.5)
    Adaptify.Core (1.1.13)
      FSharp.Data.Adaptive (>= 1.2.13 < 1.3)
    Adaptify.MSBuild (1.1.13)
      Adaptify.Core (1.1.13)
    Aether (8.3.1)
      FSharp.Core (>= 4.3.4)
      System.ValueTuple (>= 4.4) - restriction: || (== net471) (&& (== net6.0) (>= net45)) (&& (== net8.0) (>= net45)) (&& (== net8.0-windows10.0.17763.0) (>= net45)) (&& (== netstandard2.0) (>= net45))
    Another.Unofficial.Xilium.CefGlue (0.4)
    Another.Unofficial.Xilium.CefGlue.UnpackNativeDependencies (0.4)
      Another.Unofficial.Xilium.CefGlue (0.4)
      FSharp.Core (>= 4.6.2)
      SharpZipLib (>= 1.4.2 < 1.5)
    Another.Unofficial.Xilium.CefGlue.WindowsForms (0.4)
      Another.Unofficial.Xilium.CefGlue (0.4)
    AssimpNet (5.0.0-beta1)
      NETStandard.Library (>= 1.6.1) - restriction: || (&& (== net471) (< net35)) (== net6.0) (== net8.0) (== net8.0-windows10.0.17763.0) (== netstandard2.0)
    BenchmarkDotNet (0.13.12)
      BenchmarkDotNet.Annotations (>= 0.13.12)
      CommandLineParser (>= 2.9.1)
      Gee.External.Capstone (>= 2.3)
      Iced (>= 1.17)
      Microsoft.CodeAnalysis.CSharp (>= 4.1)
      Microsoft.Diagnostics.Runtime (>= 2.2.332302)
      Microsoft.Diagnostics.Tracing.TraceEvent (>= 3.0.2)
      Microsoft.DotNet.PlatformAbstractions (>= 3.1.6)
      Microsoft.Win32.Registry (>= 5.0) - restriction: || (== net471) (&& (== net8.0) (< net6.0)) (&& (== net8.0-windows10.0.17763.0) (< net6.0)) (== netstandard2.0)
      Perfolizer (0.2.1)
      System.Management (>= 5.0)
      System.Numerics.Vectors (>= 4.5) - restriction: || (== net471) (&& (== net8.0) (< net6.0)) (&& (== net8.0-windows10.0.17763.0) (< net6.0)) (== netstandard2.0)
      System.Reflection.Emit (>= 4.7) - restriction: || (== net471) (&& (== net8.0) (< net6.0)) (&& (== net8.0-windows10.0.17763.0) (< net6.0)) (== netstandard2.0)
      System.Reflection.Emit.Lightweight (>= 4.7) - restriction: || (== net471) (&& (== net8.0) (< net6.0)) (&& (== net8.0-windows10.0.17763.0) (< net6.0)) (== netstandard2.0)
      System.Threading.Tasks.Extensions (>= 4.5.4) - restriction: || (== net471) (&& (== net8.0) (< net6.0)) (&& (== net8.0-windows10.0.17763.0) (< net6.0)) (== netstandard2.0)
    BenchmarkDotNet.Annotations (0.13.12)
    Chiron (6.3.1)
      Aether (>= 8.2)
      FParsec (>= 1.0.3)
      FSharp.Core (>= 4.3.4)
      System.ValueTuple (>= 4.4) - restriction: || (== net471) (&& (== net6.0) (>= net452)) (&& (== net8.0) (>= net452)) (&& (== net8.0-windows10.0.17763.0) (>= net452)) (&& (== netstandard2.0) (>= net452))
    CommandLineParser (2.9.1)
    CommonMark.NET (0.15.1)
    FParsec (1.1.1)
      FSharp.Core (>= 4.3.4)
      System.ValueTuple (>= 4.4) - restriction: || (== net471) (&& (== net6.0) (>= net45)) (&& (== net8.0) (>= net45)) (&& (== net8.0-windows10.0.17763.0) (>= net45)) (&& (== netstandard2.0) (>= net45))
    FShade (5.6.0-prerelease0001)
      FShade.Core (5.6.0-prerelease0001)
      FShade.GLSL (5.6.0-prerelease0001)
      FShade.Imperative (5.6.0-prerelease0001)
      FShade.SpirV (5.6.0-prerelease0001)
    FShade.Core (5.6.0-prerelease0001)
      Aardvark.Base (>= 5.3.0-prerelease0001 < 5.4.0-prerelease)
      Aardvark.Base.FSharp (>= 5.3.0-prerelease0001 < 5.4.0-prerelease)
      FShade.Imperative (5.6.0-prerelease0001)
      FSharp.Core (>= 8.0)
    FShade.GLSL (5.6.0-prerelease0001)
      Aardvark.Base (>= 5.3.0-prerelease0001 < 5.4.0-prerelease)
      Aardvark.Base.FSharp (>= 5.3.0-prerelease0001 < 5.4.0-prerelease)
      FShade.Core (5.6.0-prerelease0001)
      FShade.Imperative (5.6.0-prerelease0001)
      FSharp.Core (>= 8.0)
    FShade.Imperative (5.6.0-prerelease0001)
      Aardvark.Base (>= 5.3.0-prerelease0001 < 5.4.0-prerelease)
      Aardvark.Base.FSharp (>= 5.3.0-prerelease0001 < 5.4.0-prerelease)
      FSharp.Core (>= 8.0)
      FsPickler (>= 5.3.2 < 5.4)
    FShade.SpirV (5.6.0-prerelease0001)
      Aardvark.Base (>= 5.3.0-prerelease0001 < 5.4.0-prerelease)
      Aardvark.Base.FSharp (>= 5.3.0-prerelease0001 < 5.4.0-prerelease)
      FShade.Core (5.6.0-prerelease0001)
      FShade.Imperative (5.6.0-prerelease0001)
      FSharp.Core (>= 8.0)
    FSharp.Control.Websockets (0.3) - restriction: || (&& (== net471) (>= net5.0)) (== net6.0) (== net8.0) (== net8.0-windows10.0.17763.0) (&& (== netstandard2.0) (>= net5.0))
      FSharp.Core (>= 6.0)
      Microsoft.IO.RecyclableMemoryStream (>= 3.0)
    FSharp.Core (8.0.100)
    FSharp.Data (3.0.1)
      FSharp.Core (>= 4.0.0.1) - restriction: || (== net471) (&& (== net6.0) (>= net45)) (&& (== net8.0) (>= net45)) (&& (== net8.0-windows10.0.17763.0) (>= net45)) (&& (== netstandard2.0) (>= net45))
      FSharp.Core (>= 4.3.4) - restriction: || (&& (== net471) (< net45)) (== net6.0) (== net8.0) (== net8.0-windows10.0.17763.0) (== netstandard2.0)
    FSharp.Data.Adaptive (1.2.15)
      FSharp.Core (>= 4.7)
      System.Reflection.Emit.Lightweight (>= 4.6)
    FsPickler (5.3.2)
      FSharp.Core (>= 4.3.2)
      System.Reflection.Emit.Lightweight (>= 4.3) - restriction: || (&& (== net471) (< net45)) (== net6.0) (== net8.0) (== net8.0-windows10.0.17763.0) (== netstandard2.0)
    FsPickler.Json (5.3.2)
      FSharp.Core (>= 4.3.2)
      FsPickler (>= 5.3.2)
      Newtonsoft.Json (>= 10.0.1)
    FSys (0.0.1)
      FSharp.Core (>= 4.7)
    Gee.External.Capstone (2.3)
    Giraffe (7.0)
      FSharp.Core (>= 6.0) - restriction: || (&& (== net471) (>= net6.0)) (== net6.0) (== net8.0) (== net8.0-windows10.0.17763.0) (&& (== netstandard2.0) (>= net6.0))
      Giraffe.ViewEngine (>= 1.4) - restriction: || (&& (== net471) (>= net6.0)) (== net6.0) (== net8.0) (== net8.0-windows10.0.17763.0) (&& (== netstandard2.0) (>= net6.0))
      Microsoft.IO.RecyclableMemoryStream (>= 3.0.1) - restriction: || (&& (== net471) (>= net6.0)) (== net6.0) (== net8.0) (== net8.0-windows10.0.17763.0) (&& (== netstandard2.0) (>= net6.0))
      System.Text.Json (>= 8.0.4) - restriction: || (&& (== net471) (>= net6.0)) (== net6.0) (== net8.0) (== net8.0-windows10.0.17763.0) (&& (== netstandard2.0) (>= net6.0))
    Giraffe.ViewEngine (1.4) - restriction: || (&& (== net471) (>= net6.0)) (== net6.0) (== net8.0) (== net8.0-windows10.0.17763.0) (&& (== netstandard2.0) (>= net6.0))
      FSharp.Core (>= 5.0)
    GLSLangSharp (0.4.15)
      FSharp.Core (>= 5.0)
    Iced (1.21)
    Microsoft.AspNetCore.Authentication.JwtBearer (8.0.7) - restriction: || (&& (== net471) (>= net5.0)) (== net6.0) (== net8.0) (== net8.0-windows10.0.17763.0) (&& (== netstandard2.0) (>= net5.0))
      Microsoft.IdentityModel.Protocols.OpenIdConnect (>= 7.1.2) - restriction: || (&& (== net471) (>= net8.0)) (&& (== net6.0) (>= net8.0)) (== net8.0) (== net8.0-windows10.0.17763.0) (&& (== netstandard2.0) (>= net8.0))
    Microsoft.AspNetCore.Connections.Abstractions (8.0.7)
      Microsoft.Bcl.AsyncInterfaces (>= 8.0) - restriction: || (== net471) (== net6.0) (&& (== net8.0) (>= net462)) (&& (== net8.0) (< netstandard2.1)) (&& (== net8.0-windows10.0.17763.0) (>= net462)) (&& (== net8.0-windows10.0.17763.0) (< net8.0)) (&& (== net8.0-windows10.0.17763.0) (< netstandard2.1)) (== netstandard2.0)
      Microsoft.Extensions.Features (>= 8.0.7)
      System.IO.Pipelines (>= 8.0)
    Microsoft.AspNetCore.Http.Connections.Client (8.0.7)
      Microsoft.AspNetCore.Http.Connections.Common (>= 8.0.7)
      Microsoft.Extensions.Logging.Abstractions (>= 8.0.1)
      Microsoft.Extensions.Options (>= 8.0.2)
      System.Net.Http (>= 4.3.4) - restriction: || (== net471) (&& (== net6.0) (>= net462)) (&& (== net8.0) (>= net462)) (&& (== net8.0-windows10.0.17763.0) (>= net462)) (&& (== netstandard2.0) (>= net462))
      System.Runtime.InteropServices.RuntimeInformation (>= 4.3) - restriction: || (== net471) (&& (== net6.0) (>= net462)) (&& (== net8.0) (>= net462)) (&& (== net8.0-windows10.0.17763.0) (>= net462)) (&& (== netstandard2.0) (>= net462))
    Microsoft.AspNetCore.Http.Connections.Common (8.0.7)
      Microsoft.AspNetCore.Connections.Abstractions (>= 8.0.7)
      System.Text.Json (>= 8.0.4) - restriction: || (== net471) (== net6.0) (&& (== net8.0) (>= net462)) (&& (== net8.0-windows10.0.17763.0) (>= net462)) (&& (== net8.0-windows10.0.17763.0) (< net8.0)) (== netstandard2.0)
    Microsoft.AspNetCore.SignalR.Client (8.0.7)
      Microsoft.AspNetCore.Http.Connections.Client (>= 8.0.7)
      Microsoft.AspNetCore.SignalR.Client.Core (>= 8.0.7)
    Microsoft.AspNetCore.SignalR.Client.Core (8.0.7)
      Microsoft.AspNetCore.SignalR.Common (>= 8.0.7)
      Microsoft.AspNetCore.SignalR.Protocols.Json (>= 8.0.7)
      Microsoft.Bcl.TimeProvider (>= 8.0.1) - restriction: || (== net471) (== net6.0) (&& (== net8.0) (>= net462)) (&& (== net8.0) (< netstandard2.1)) (&& (== net8.0-windows10.0.17763.0) (>= net462)) (&& (== net8.0-windows10.0.17763.0) (< net8.0)) (&& (== net8.0-windows10.0.17763.0) (< netstandard2.1)) (== netstandard2.0)
      Microsoft.Extensions.DependencyInjection (>= 8.0)
      Microsoft.Extensions.Logging (>= 8.0)
      System.Threading.Channels (>= 8.0)
    Microsoft.AspNetCore.SignalR.Common (8.0.7)
      Microsoft.AspNetCore.Connections.Abstractions (>= 8.0.7)
      Microsoft.Extensions.Options (>= 8.0.2)
      System.Net.Sockets (>= 4.3) - restriction: || (== net471) (&& (== net6.0) (>= net462)) (&& (== net8.0) (>= net462)) (&& (== net8.0-windows10.0.17763.0) (>= net462)) (&& (== netstandard2.0) (>= net462))
      System.Text.Json (>= 8.0.4) - restriction: || (== net471) (== net6.0) (&& (== net8.0) (>= net462)) (&& (== net8.0-windows10.0.17763.0) (>= net462)) (&& (== net8.0-windows10.0.17763.0) (< net8.0)) (== netstandard2.0)
    Microsoft.AspNetCore.SignalR.Protocols.Json (8.0.7)
      Microsoft.AspNetCore.SignalR.Common (>= 8.0.7)
    Microsoft.Bcl.AsyncInterfaces (8.0) - restriction: || (== net471) (== net6.0) (&& (== net8.0) (>= net462)) (&& (== net8.0) (< netstandard2.1)) (&& (== net8.0-windows10.0.17763.0) (>= net462)) (&& (== net8.0-windows10.0.17763.0) (< net8.0)) (&& (== net8.0-windows10.0.17763.0) (< netstandard2.1)) (== netstandard2.0)
      System.Threading.Tasks.Extensions (>= 4.5.4) - restriction: || (== net471) (&& (== net6.0) (>= net462)) (&& (== net6.0) (< netstandard2.1)) (&& (== net8.0) (>= net462)) (&& (== net8.0) (< netstandard2.1)) (&& (== net8.0-windows10.0.17763.0) (>= net462)) (&& (== net8.0-windows10.0.17763.0) (< netstandard2.1)) (== netstandard2.0)
    Microsoft.Bcl.HashCode (1.1.1) - restriction: || (== net471) (&& (== net6.0) (< netstandard2.1)) (&& (== net8.0) (< netstandard2.1)) (&& (== net8.0-windows10.0.17763.0) (< netstandard2.1)) (== netstandard2.0)
    Microsoft.Bcl.TimeProvider (8.0.1) - restriction: || (== net471) (== net6.0) (&& (== net8.0) (>= net462)) (&& (== net8.0) (< netstandard2.1)) (&& (== net8.0-windows10.0.17763.0) (>= net462)) (&& (== net8.0-windows10.0.17763.0) (< net8.0)) (&& (== net8.0-windows10.0.17763.0) (< netstandard2.1)) (== netstandard2.0)
      Microsoft.Bcl.AsyncInterfaces (>= 8.0) - restriction: || (== net471) (== net6.0) (&& (== net8.0) (>= net462)) (&& (== net8.0-windows10.0.17763.0) (>= net462)) (&& (== net8.0-windows10.0.17763.0) (< net8.0)) (== netstandard2.0)
      System.ValueTuple (>= 4.5) - restriction: || (== net471) (&& (== net6.0) (>= net462)) (&& (== net8.0) (>= net462)) (&& (== net8.0-windows10.0.17763.0) (>= net462)) (&& (== netstandard2.0) (>= net462))
    Microsoft.CodeAnalysis.Analyzers (3.3.4)
    Microsoft.CodeAnalysis.Common (4.10)
      Microsoft.CodeAnalysis.Analyzers (>= 3.3.4)
      System.Buffers (>= 4.5.1) - restriction: || (== net471) (== net6.0) (&& (== net8.0) (< net7.0)) (&& (== net8.0-windows10.0.17763.0) (< net7.0)) (== netstandard2.0)
      System.Collections.Immutable (>= 8.0)
      System.Memory (>= 4.5.5) - restriction: || (== net471) (== net6.0) (&& (== net8.0) (< net7.0)) (&& (== net8.0-windows10.0.17763.0) (< net7.0)) (== netstandard2.0)
      System.Numerics.Vectors (>= 4.5) - restriction: || (== net471) (== net6.0) (&& (== net8.0) (< net7.0)) (&& (== net8.0-windows10.0.17763.0) (< net7.0)) (== netstandard2.0)
      System.Reflection.Metadata (>= 8.0)
      System.Runtime.CompilerServices.Unsafe (>= 6.0) - restriction: || (== net471) (== net6.0) (&& (== net8.0) (< net7.0)) (&& (== net8.0-windows10.0.17763.0) (< net7.0)) (== netstandard2.0)
      System.Text.Encoding.CodePages (>= 7.0) - restriction: || (== net471) (== net6.0) (&& (== net8.0) (< net7.0)) (&& (== net8.0-windows10.0.17763.0) (< net7.0)) (== netstandard2.0)
      System.Threading.Tasks.Extensions (>= 4.5.4) - restriction: || (== net471) (== net6.0) (&& (== net8.0) (< net7.0)) (&& (== net8.0-windows10.0.17763.0) (< net7.0)) (== netstandard2.0)
    Microsoft.CodeAnalysis.CSharp (4.10)
      Microsoft.CodeAnalysis.Analyzers (>= 3.3.4)
      Microsoft.CodeAnalysis.Common (4.10)
      System.Buffers (>= 4.5.1) - restriction: || (== net471) (== net6.0) (&& (== net8.0) (< net7.0)) (&& (== net8.0-windows10.0.17763.0) (< net7.0)) (== netstandard2.0)
      System.Collections.Immutable (>= 8.0)
      System.Memory (>= 4.5.5) - restriction: || (== net471) (== net6.0) (&& (== net8.0) (< net7.0)) (&& (== net8.0-windows10.0.17763.0) (< net7.0)) (== netstandard2.0)
      System.Numerics.Vectors (>= 4.5) - restriction: || (== net471) (== net6.0) (&& (== net8.0) (< net7.0)) (&& (== net8.0-windows10.0.17763.0) (< net7.0)) (== netstandard2.0)
      System.Reflection.Metadata (>= 8.0)
      System.Runtime.CompilerServices.Unsafe (>= 6.0) - restriction: || (== net471) (== net6.0) (&& (== net8.0) (< net7.0)) (&& (== net8.0-windows10.0.17763.0) (< net7.0)) (== netstandard2.0)
      System.Text.Encoding.CodePages (>= 7.0) - restriction: || (== net471) (== net6.0) (&& (== net8.0) (< net7.0)) (&& (== net8.0-windows10.0.17763.0) (< net7.0)) (== netstandard2.0)
      System.Threading.Tasks.Extensions (>= 4.5.4) - restriction: || (== net471) (== net6.0) (&& (== net8.0) (< net7.0)) (&& (== net8.0-windows10.0.17763.0) (< net7.0)) (== netstandard2.0)
    Microsoft.CSharp (4.7)
    Microsoft.Diagnostics.NETCore.Client (0.2.532401)
      Microsoft.Bcl.AsyncInterfaces (>= 6.0) - restriction: || (== net471) (&& (== net8.0) (< net6.0)) (&& (== net8.0-windows10.0.17763.0) (< net6.0)) (== netstandard2.0)
      Microsoft.Extensions.Logging.Abstractions (>= 6.0.4)
      System.Buffers (>= 4.5.1) - restriction: || (== net471) (&& (== net8.0) (< net6.0)) (&& (== net8.0-windows10.0.17763.0) (< net6.0)) (== netstandard2.0)
    Microsoft.Diagnostics.Runtime (3.1.512801)
      Microsoft.Diagnostics.NETCore.Client (>= 0.2.410101)
      System.Collections.Immutable (>= 6.0) - restriction: || (== net471) (&& (== net8.0) (< net6.0)) (&& (== net8.0-windows10.0.17763.0) (< net6.0)) (== netstandard2.0)
      System.Runtime.CompilerServices.Unsafe (>= 6.0) - restriction: || (== net471) (&& (== net8.0) (< net6.0)) (&& (== net8.0-windows10.0.17763.0) (< net6.0)) (== netstandard2.0)
    Microsoft.Diagnostics.Tracing.TraceEvent (3.1.13)
      Microsoft.Win32.Registry (>= 5.0)
      System.Collections.Immutable (>= 8.0)
      System.Reflection.Metadata (>= 8.0)
      System.Reflection.TypeExtensions (>= 4.7)
      System.Runtime.CompilerServices.Unsafe (>= 6.0)
    Microsoft.DotNet.PlatformAbstractions (3.1.6)
      System.Runtime.InteropServices.RuntimeInformation (>= 4.0) - restriction: || (== net471) (&& (== net6.0) (>= net45)) (&& (== net6.0) (< netstandard2.0)) (&& (== net8.0) (>= net45)) (&& (== net8.0) (< netstandard2.0)) (&& (== net8.0-windows10.0.17763.0) (>= net45)) (&& (== net8.0-windows10.0.17763.0) (< netstandard2.0)) (&& (== netstandard2.0) (>= net45))
    Microsoft.Extensions.DependencyInjection (8.0)
      Microsoft.Bcl.AsyncInterfaces (>= 8.0) - restriction: || (== net471) (&& (== net6.0) (>= net462)) (&& (== net6.0) (< netstandard2.1)) (&& (== net8.0) (>= net462)) (&& (== net8.0) (< netstandard2.1)) (&& (== net8.0-windows10.0.17763.0) (>= net462)) (&& (== net8.0-windows10.0.17763.0) (< netstandard2.1)) (== netstandard2.0)
      Microsoft.Extensions.DependencyInjection.Abstractions (>= 8.0)
      System.Threading.Tasks.Extensions (>= 4.5.4) - restriction: || (== net471) (&& (== net6.0) (>= net462)) (&& (== net6.0) (< netstandard2.1)) (&& (== net8.0) (>= net462)) (&& (== net8.0) (< netstandard2.1)) (&& (== net8.0-windows10.0.17763.0) (>= net462)) (&& (== net8.0-windows10.0.17763.0) (< netstandard2.1)) (== netstandard2.0)
    Microsoft.Extensions.DependencyInjection.Abstractions (8.0.1)
      Microsoft.Bcl.AsyncInterfaces (>= 8.0) - restriction: || (== net471) (&& (== net6.0) (>= net462)) (&& (== net6.0) (< netstandard2.1)) (&& (== net8.0) (>= net462)) (&& (== net8.0) (< netstandard2.1)) (&& (== net8.0-windows10.0.17763.0) (>= net462)) (&& (== net8.0-windows10.0.17763.0) (< netstandard2.1)) (== netstandard2.0)
      System.Threading.Tasks.Extensions (>= 4.5.4) - restriction: || (== net471) (&& (== net6.0) (>= net462)) (&& (== net6.0) (< netstandard2.1)) (&& (== net8.0) (>= net462)) (&& (== net8.0) (< netstandard2.1)) (&& (== net8.0-windows10.0.17763.0) (>= net462)) (&& (== net8.0-windows10.0.17763.0) (< netstandard2.1)) (== netstandard2.0)
    Microsoft.Extensions.DependencyModel (8.0.1)
      System.Buffers (>= 4.5.1) - restriction: || (== net471) (&& (== net6.0) (>= net462)) (&& (== net8.0) (>= net462)) (&& (== net8.0) (< net6.0)) (&& (== net8.0-windows10.0.17763.0) (>= net462)) (&& (== net8.0-windows10.0.17763.0) (< net6.0)) (== netstandard2.0)
      System.Memory (>= 4.5.5) - restriction: || (== net471) (&& (== net6.0) (>= net462)) (&& (== net8.0) (>= net462)) (&& (== net8.0) (< net6.0)) (&& (== net8.0-windows10.0.17763.0) (>= net462)) (&& (== net8.0-windows10.0.17763.0) (< net6.0)) (== netstandard2.0)
      System.Text.Encodings.Web (>= 8.0)
      System.Text.Json (>= 8.0.4)
    Microsoft.Extensions.Features (8.0.7)
    Microsoft.Extensions.Logging (8.0)
      Microsoft.Bcl.AsyncInterfaces (>= 8.0) - restriction: || (== net471) (&& (== net6.0) (>= net462)) (&& (== net6.0) (< netstandard2.1)) (&& (== net8.0) (>= net462)) (&& (== net8.0) (< netstandard2.1)) (&& (== net8.0-windows10.0.17763.0) (>= net462)) (&& (== net8.0-windows10.0.17763.0) (< netstandard2.1)) (== netstandard2.0)
      Microsoft.Extensions.DependencyInjection (>= 8.0)
      Microsoft.Extensions.Logging.Abstractions (>= 8.0)
      Microsoft.Extensions.Options (>= 8.0)
      System.Diagnostics.DiagnosticSource (>= 8.0) - restriction: || (== net471) (&& (== net6.0) (>= net462)) (&& (== net6.0) (< netstandard2.1)) (&& (== net8.0) (>= net462)) (&& (== net8.0) (< net6.0)) (&& (== net8.0) (< netstandard2.1)) (&& (== net8.0-windows10.0.17763.0) (>= net462)) (&& (== net8.0-windows10.0.17763.0) (< net6.0)) (&& (== net8.0-windows10.0.17763.0) (< netstandard2.1)) (== netstandard2.0)
      System.ValueTuple (>= 4.5) - restriction: || (== net471) (&& (== net6.0) (>= net462)) (&& (== net8.0) (>= net462)) (&& (== net8.0-windows10.0.17763.0) (>= net462)) (&& (== netstandard2.0) (>= net462))
    Microsoft.Extensions.Logging.Abstractions (8.0.1)
      Microsoft.Extensions.DependencyInjection.Abstractions (>= 8.0.1)
      System.Buffers (>= 4.5.1) - restriction: || (== net471) (&& (== net6.0) (>= net462)) (&& (== net8.0) (>= net462)) (&& (== net8.0) (< net6.0)) (&& (== net8.0-windows10.0.17763.0) (>= net462)) (&& (== net8.0-windows10.0.17763.0) (< net6.0)) (== netstandard2.0)
      System.Memory (>= 4.5.5) - restriction: || (== net471) (&& (== net6.0) (>= net462)) (&& (== net8.0) (>= net462)) (&& (== net8.0) (< net6.0)) (&& (== net8.0-windows10.0.17763.0) (>= net462)) (&& (== net8.0-windows10.0.17763.0) (< net6.0)) (== netstandard2.0)
    Microsoft.Extensions.Options (8.0.2)
      Microsoft.Extensions.DependencyInjection.Abstractions (>= 8.0)
      Microsoft.Extensions.Primitives (>= 8.0)
      System.ComponentModel.Annotations (>= 5.0) - restriction: || (&& (== net471) (== net6.0)) (&& (== net471) (== net8.0)) (&& (== net471) (== net8.0-windows10.0.17763.0)) (&& (== net471) (< net462)) (&& (== net471) (>= netstandard2.1)) (&& (== net6.0) (< netstandard2.1)) (&& (== net8.0) (< net6.0)) (&& (== net8.0) (< netstandard2.1)) (&& (== net8.0-windows10.0.17763.0) (< net6.0)) (&& (== net8.0-windows10.0.17763.0) (< netstandard2.1)) (== netstandard2.0)
      System.ValueTuple (>= 4.5) - restriction: || (== net471) (&& (== net6.0) (>= net462)) (&& (== net8.0) (>= net462)) (&& (== net8.0-windows10.0.17763.0) (>= net462)) (&& (== netstandard2.0) (>= net462))
    Microsoft.Extensions.Primitives (8.0)
      System.Memory (>= 4.5.5) - restriction: || (== net471) (&& (== net6.0) (>= net462)) (&& (== net8.0) (>= net462)) (&& (== net8.0) (< net6.0)) (&& (== net8.0-windows10.0.17763.0) (>= net462)) (&& (== net8.0-windows10.0.17763.0) (< net6.0)) (== netstandard2.0)
      System.Runtime.CompilerServices.Unsafe (>= 6.0) - restriction: || (== net471) (== net6.0) (&& (== net8.0) (>= net462)) (&& (== net8.0) (< net6.0)) (&& (== net8.0) (< net7.0)) (&& (== net8.0-windows10.0.17763.0) (>= net462)) (&& (== net8.0-windows10.0.17763.0) (< net6.0)) (&& (== net8.0-windows10.0.17763.0) (< net7.0)) (== netstandard2.0)
    Microsoft.IdentityModel.Abstractions (8.0) - restriction: || (&& (== net471) (>= net8.0)) (&& (== net6.0) (>= net8.0)) (== net8.0) (== net8.0-windows10.0.17763.0) (&& (== netstandard2.0) (>= net8.0))
    Microsoft.IdentityModel.JsonWebTokens (8.0) - restriction: || (&& (== net471) (>= net8.0)) (&& (== net6.0) (>= net8.0)) (== net8.0) (== net8.0-windows10.0.17763.0) (&& (== netstandard2.0) (>= net8.0))
      Microsoft.IdentityModel.Tokens (>= 8.0)
    Microsoft.IdentityModel.Logging (8.0) - restriction: || (&& (== net471) (>= net8.0)) (&& (== net6.0) (>= net8.0)) (== net8.0) (== net8.0-windows10.0.17763.0) (&& (== netstandard2.0) (>= net8.0))
      Microsoft.IdentityModel.Abstractions (>= 8.0)
    Microsoft.IdentityModel.Protocols (8.0) - restriction: || (&& (== net471) (>= net8.0)) (&& (== net6.0) (>= net8.0)) (== net8.0) (== net8.0-windows10.0.17763.0) (&& (== netstandard2.0) (>= net8.0))
      Microsoft.IdentityModel.Tokens (>= 8.0)
    Microsoft.IdentityModel.Protocols.OpenIdConnect (8.0) - restriction: || (&& (== net471) (>= net8.0)) (&& (== net6.0) (>= net8.0)) (== net8.0) (== net8.0-windows10.0.17763.0) (&& (== netstandard2.0) (>= net8.0))
      Microsoft.IdentityModel.Protocols (>= 8.0)
      System.IdentityModel.Tokens.Jwt (>= 8.0)
    Microsoft.IdentityModel.Tokens (8.0) - restriction: || (&& (== net471) (>= net8.0)) (&& (== net6.0) (>= net8.0)) (== net8.0) (== net8.0-windows10.0.17763.0) (&& (== netstandard2.0) (>= net8.0))
      Microsoft.IdentityModel.Logging (>= 8.0)
    Microsoft.IO.RecyclableMemoryStream (3.0.1) - restriction: || (&& (== net471) (>= net6.0)) (== net6.0) (== net8.0) (== net8.0-windows10.0.17763.0) (&& (== netstandard2.0) (>= net6.0))
    Microsoft.NETCore.Platforms (7.0.4) - restriction: || (&& (== net471) (< net45)) (== net6.0) (== net8.0) (== net8.0-windows10.0.17763.0) (== netstandard2.0)
    Microsoft.NETCore.Targets (5.0) - restriction: || (&& (== net471) (< net45)) (== net6.0) (== net8.0) (== net8.0-windows10.0.17763.0) (== netstandard2.0)
    Microsoft.NETFramework.ReferenceAssemblies (1.0)
      Microsoft.NETFramework.ReferenceAssemblies.net471 (>= 1.0) - restriction: || (== net471) (&& (== net6.0) (>= net471)) (&& (== net8.0) (>= net471)) (&& (== net8.0-windows10.0.17763.0) (>= net471)) (&& (== netstandard2.0) (>= net471))
    Microsoft.NETFramework.ReferenceAssemblies.net471 (1.0.3) - restriction: || (== net471) (&& (== net6.0) (>= net471)) (&& (== net8.0) (>= net471)) (&& (== net8.0-windows10.0.17763.0) (>= net471)) (&& (== netstandard2.0) (>= net471))
    Microsoft.Win32.Registry (5.0)
      System.Buffers (>= 4.5.1) - restriction: || (&& (== net471) (== net6.0)) (&& (== net471) (== net8.0)) (&& (== net471) (== net8.0-windows10.0.17763.0)) (&& (== net471) (>= monoandroid) (< netstandard1.3)) (&& (== net471) (>= monotouch)) (&& (== net471) (< net46)) (&& (== net471) (>= xamarinios)) (&& (== net471) (>= xamarinmac)) (&& (== net471) (>= xamarintvos)) (&& (== net471) (>= xamarinwatchos)) (&& (== net6.0) (>= monoandroid) (< netstandard1.3)) (&& (== net6.0) (>= monotouch)) (&& (== net6.0) (< netcoreapp2.0)) (&& (== net6.0) (>= xamarinios)) (&& (== net6.0) (>= xamarinmac)) (&& (== net6.0) (>= xamarintvos)) (&& (== net6.0) (>= xamarinwatchos)) (&& (== net8.0) (>= monoandroid) (< netstandard1.3)) (&& (== net8.0) (>= monotouch)) (&& (== net8.0) (< netcoreapp2.0)) (&& (== net8.0) (>= xamarinios)) (&& (== net8.0) (>= xamarinmac)) (&& (== net8.0) (>= xamarintvos)) (&& (== net8.0) (>= xamarinwatchos)) (&& (== net8.0-windows10.0.17763.0) (>= monoandroid) (< netstandard1.3)) (&& (== net8.0-windows10.0.17763.0) (>= monotouch)) (&& (== net8.0-windows10.0.17763.0) (< netcoreapp2.0)) (&& (== net8.0-windows10.0.17763.0) (>= xamarinios)) (&& (== net8.0-windows10.0.17763.0) (>= xamarinmac)) (&& (== net8.0-windows10.0.17763.0) (>= xamarintvos)) (&& (== net8.0-windows10.0.17763.0) (>= xamarinwatchos)) (== netstandard2.0)
      System.Memory (>= 4.5.4) - restriction: || (&& (== net471) (== net6.0)) (&& (== net471) (== net8.0)) (&& (== net471) (== net8.0-windows10.0.17763.0)) (&& (== net471) (< net46)) (&& (== net471) (>= netcoreapp2.0)) (&& (== net471) (>= uap10.1)) (&& (== net6.0) (< netcoreapp2.0)) (&& (== net6.0) (< netcoreapp2.1)) (&& (== net6.0) (>= uap10.1)) (&& (== net8.0) (< netcoreapp2.0)) (&& (== net8.0) (< netcoreapp2.1)) (&& (== net8.0) (>= uap10.1)) (&& (== net8.0-windows10.0.17763.0) (< netcoreapp2.0)) (&& (== net8.0-windows10.0.17763.0) (< netcoreapp2.1)) (&& (== net8.0-windows10.0.17763.0) (>= uap10.1)) (== netstandard2.0)
      System.Security.AccessControl (>= 5.0)
      System.Security.Principal.Windows (>= 5.0)
    NETStandard.Library (2.0.3) - restriction: || (&& (== net471) (< net35)) (== net6.0) (== net8.0) (== net8.0-windows10.0.17763.0) (== netstandard2.0)
      Microsoft.NETCore.Platforms (>= 1.1)
    Newtonsoft.Json (13.0.3)
    Perfolizer (0.2.1)
      System.Memory (>= 4.5.3)
    Saturn (0.15)
      FSharp.Control.Websockets (>= 0.2.2) - restriction: || (&& (== net471) (>= net5.0)) (== net6.0) (== net8.0) (== net8.0-windows10.0.17763.0) (&& (== netstandard2.0) (>= net5.0))
      FSharp.Core (>= 5.0.1) - restriction: || (&& (== net471) (>= net5.0)) (== net6.0) (== net8.0) (== net8.0-windows10.0.17763.0) (&& (== netstandard2.0) (>= net5.0))
      Giraffe (>= 5.0) - restriction: || (&& (== net471) (>= net5.0)) (== net6.0) (== net8.0) (== net8.0-windows10.0.17763.0) (&& (== netstandard2.0) (>= net5.0))
      Microsoft.AspNetCore.Authentication.JwtBearer (>= 5.0.7) - restriction: || (&& (== net471) (>= net5.0)) (== net6.0) (== net8.0) (== net8.0-windows10.0.17763.0) (&& (== netstandard2.0) (>= net5.0))
    Screenshotr.Client (1.5.2)
      Microsoft.AspNetCore.SignalR.Client (>= 6.0)
      Screenshotr.Shared (1.5.2)
      System.Net.Http.Json (>= 6.0)
    Screenshotr.Shared (1.5.2)
      System.Collections.Immutable (>= 6.0)
      System.Text.Json (>= 6.0)
    SharpZipLib (1.4.2)
      System.Memory (>= 4.5.4) - restriction: || (== net471) (&& (== net6.0) (< netstandard2.1)) (&& (== net8.0) (< netstandard2.1)) (&& (== net8.0-windows10.0.17763.0) (< netstandard2.1)) (== netstandard2.0)
      System.Threading.Tasks.Extensions (>= 4.5.2) - restriction: || (== net471) (&& (== net6.0) (< netstandard2.1)) (&& (== net8.0) (< netstandard2.1)) (&& (== net8.0-windows10.0.17763.0) (< netstandard2.1)) (== netstandard2.0)
    Silk.NET.Core (2.15)
      Microsoft.Bcl.HashCode (>= 1.1.1) - restriction: || (== net471) (&& (== net6.0) (< netstandard2.1)) (&& (== net8.0) (< netstandard2.1)) (&& (== net8.0-windows10.0.17763.0) (< netstandard2.1)) (== netstandard2.0)
      Microsoft.CSharp (>= 4.7)
      Microsoft.DotNet.PlatformAbstractions (>= 3.1.6)
      Microsoft.Extensions.DependencyModel (>= 5.0)
      System.Memory (>= 4.5.4)
      System.Numerics.Vectors (>= 4.5)
      System.Runtime.CompilerServices.Unsafe (>= 6.0)
    Silk.NET.GLFW (2.15)
      Silk.NET.Core (>= 2.15)
      Ultz.Native.GLFW (>= 3.3.3.1)
    Suave (2.5.6)
      FSharp.Core (>= 4.3.4)
    System.Buffers (4.5.1) - restriction: || (== net471) (== net6.0) (&& (== net8.0) (>= monoandroid) (< netstandard1.3)) (&& (== net8.0) (>= monotouch)) (&& (== net8.0) (>= net462)) (&& (== net8.0) (< net6.0)) (&& (== net8.0) (< net7.0)) (&& (== net8.0) (< netcoreapp2.0)) (&& (== net8.0-windows10.0.17763.0) (>= monoandroid) (< netstandard1.3)) (&& (== net8.0-windows10.0.17763.0) (>= monotouch)) (&& (== net8.0-windows10.0.17763.0) (>= net462)) (&& (== net8.0-windows10.0.17763.0) (< net6.0)) (&& (== net8.0-windows10.0.17763.0) (< net7.0)) (&& (== net8.0-windows10.0.17763.0) (< netcoreapp2.0)) (== netstandard2.0)
    System.CodeDom (8.0)
    System.Collections (4.3) - restriction: || (&& (== net471) (< net45)) (== net6.0) (== net8.0) (== net8.0-windows10.0.17763.0) (== netstandard2.0)
      Microsoft.NETCore.Platforms (>= 1.1) - restriction: || (&& (== net471) (< net45)) (== net6.0) (== net8.0) (== net8.0-windows10.0.17763.0) (== netstandard2.0)
      Microsoft.NETCore.Targets (>= 1.1) - restriction: || (&& (== net471) (< net45)) (== net6.0) (== net8.0) (== net8.0-windows10.0.17763.0) (== netstandard2.0)
      System.Runtime (>= 4.3) - restriction: || (&& (== net471) (< net45)) (== net6.0) (== net8.0) (== net8.0-windows10.0.17763.0) (== netstandard2.0)
    System.Collections.Immutable (8.0)
      System.Memory (>= 4.5.5) - restriction: || (== net471) (&& (== net6.0) (>= net462)) (&& (== net8.0) (>= net462)) (&& (== net8.0) (< net6.0)) (&& (== net8.0-windows10.0.17763.0) (>= net462)) (&& (== net8.0-windows10.0.17763.0) (< net6.0)) (== netstandard2.0)
      System.Runtime.CompilerServices.Unsafe (>= 6.0) - restriction: || (== net471) (== net6.0) (&& (== net8.0) (>= net462)) (&& (== net8.0) (< net6.0)) (&& (== net8.0) (< net7.0)) (&& (== net8.0-windows10.0.17763.0) (>= net462)) (&& (== net8.0-windows10.0.17763.0) (< net6.0)) (&& (== net8.0-windows10.0.17763.0) (< net7.0)) (== netstandard2.0)
    System.ComponentModel.Annotations (5.0) - restriction: || (&& (== net471) (== net6.0)) (&& (== net471) (== net8.0)) (&& (== net471) (== net8.0-windows10.0.17763.0)) (&& (== net471) (< net462)) (&& (== net471) (>= netstandard2.1)) (&& (== net6.0) (< netstandard2.1)) (&& (== net8.0) (< net6.0)) (&& (== net8.0) (< netstandard2.1)) (&& (== net8.0-windows10.0.17763.0) (< net6.0)) (&& (== net8.0-windows10.0.17763.0) (< netstandard2.1)) (== netstandard2.0)
    System.Diagnostics.Debug (4.3) - restriction: || (&& (== net471) (< net45)) (== net6.0) (== net8.0) (== net8.0-windows10.0.17763.0) (== netstandard2.0)
      Microsoft.NETCore.Platforms (>= 1.1) - restriction: || (&& (== net471) (< net45)) (== net6.0) (== net8.0) (== net8.0-windows10.0.17763.0) (== netstandard2.0)
      Microsoft.NETCore.Targets (>= 1.1) - restriction: || (&& (== net471) (< net45)) (== net6.0) (== net8.0) (== net8.0-windows10.0.17763.0) (== netstandard2.0)
      System.Runtime (>= 4.3) - restriction: || (&& (== net471) (< net45)) (== net6.0) (== net8.0) (== net8.0-windows10.0.17763.0) (== netstandard2.0)
    System.Diagnostics.DiagnosticSource (8.0.1) - restriction: || (== net471) (&& (== net6.0) (>= net462)) (&& (== net6.0) (< netstandard2.1)) (&& (== net8.0) (>= net462)) (&& (== net8.0) (< net6.0)) (&& (== net8.0) (< netstandard2.1)) (&& (== net8.0-windows10.0.17763.0) (>= net462)) (&& (== net8.0-windows10.0.17763.0) (< net6.0)) (&& (== net8.0-windows10.0.17763.0) (< netstandard2.1)) (== netstandard2.0)
      System.Memory (>= 4.5.5) - restriction: || (== net471) (&& (== net6.0) (>= net462)) (&& (== net8.0) (>= net462)) (&& (== net8.0) (< net6.0)) (&& (== net8.0-windows10.0.17763.0) (>= net462)) (&& (== net8.0-windows10.0.17763.0) (< net6.0)) (== netstandard2.0)
      System.Runtime.CompilerServices.Unsafe (>= 6.0) - restriction: || (== net471) (== net6.0) (&& (== net8.0) (>= net462)) (&& (== net8.0) (< net6.0)) (&& (== net8.0) (< net7.0)) (&& (== net8.0-windows10.0.17763.0) (>= net462)) (&& (== net8.0-windows10.0.17763.0) (< net6.0)) (&& (== net8.0-windows10.0.17763.0) (< net7.0)) (== netstandard2.0)
    System.Dynamic.Runtime (4.3)
      System.Collections (>= 4.3) - restriction: || (&& (== net471) (< net45)) (== net6.0) (== net8.0) (== net8.0-windows10.0.17763.0) (== netstandard2.0)
      System.Diagnostics.Debug (>= 4.3) - restriction: || (&& (== net471) (< net45)) (== net6.0) (== net8.0) (== net8.0-windows10.0.17763.0) (== netstandard2.0)
      System.Linq (>= 4.3) - restriction: || (&& (== net471) (< net45)) (== net6.0) (== net8.0) (== net8.0-windows10.0.17763.0) (== netstandard2.0)
      System.Linq.Expressions (>= 4.3) - restriction: || (&& (== net471) (< net45)) (== net6.0) (== net8.0) (== net8.0-windows10.0.17763.0) (== netstandard2.0)
      System.ObjectModel (>= 4.3) - restriction: || (&& (== net471) (< net45)) (== net6.0) (== net8.0) (== net8.0-windows10.0.17763.0) (== netstandard2.0)
      System.Reflection (>= 4.3) - restriction: || (&& (== net471) (< net45)) (== net6.0) (== net8.0) (== net8.0-windows10.0.17763.0) (== netstandard2.0)
      System.Reflection.Emit (>= 4.3) - restriction: || (&& (== net471) (< net45)) (== net6.0) (== net8.0) (== net8.0-windows10.0.17763.0) (== netstandard2.0)
      System.Reflection.Emit.ILGeneration (>= 4.3) - restriction: || (&& (== net471) (< net45)) (== net6.0) (== net8.0) (== net8.0-windows10.0.17763.0) (== netstandard2.0)
      System.Reflection.Primitives (>= 4.3) - restriction: || (&& (== net471) (< net45)) (== net6.0) (== net8.0) (== net8.0-windows10.0.17763.0) (== netstandard2.0)
      System.Reflection.TypeExtensions (>= 4.3) - restriction: || (&& (== net471) (< net45)) (== net6.0) (== net8.0) (== net8.0-windows10.0.17763.0) (== netstandard2.0)
      System.Resources.ResourceManager (>= 4.3) - restriction: || (&& (== net471) (< net45)) (== net6.0) (== net8.0) (== net8.0-windows10.0.17763.0) (== netstandard2.0)
      System.Runtime (>= 4.3) - restriction: || (&& (== net471) (< net45)) (== net6.0) (== net8.0) (== net8.0-windows10.0.17763.0) (== netstandard2.0)
      System.Runtime.Extensions (>= 4.3) - restriction: || (&& (== net471) (< net45)) (== net6.0) (== net8.0) (== net8.0-windows10.0.17763.0) (== netstandard2.0)
      System.Threading (>= 4.3) - restriction: || (&& (== net471) (< net45)) (== net6.0) (== net8.0) (== net8.0-windows10.0.17763.0) (== netstandard2.0)
    System.Globalization (4.3) - restriction: || (&& (== net471) (< net45)) (== net6.0) (== net8.0) (== net8.0-windows10.0.17763.0) (== netstandard2.0)
      Microsoft.NETCore.Platforms (>= 1.1) - restriction: || (&& (== net471) (< net45)) (== net6.0) (== net8.0) (== net8.0-windows10.0.17763.0) (== netstandard2.0)
      Microsoft.NETCore.Targets (>= 1.1) - restriction: || (&& (== net471) (< net45)) (== net6.0) (== net8.0) (== net8.0-windows10.0.17763.0) (== netstandard2.0)
      System.Runtime (>= 4.3) - restriction: || (&& (== net471) (< net45)) (== net6.0) (== net8.0) (== net8.0-windows10.0.17763.0) (== netstandard2.0)
    System.IdentityModel.Tokens.Jwt (8.0) - restriction: || (&& (== net471) (>= net8.0)) (&& (== net6.0) (>= net8.0)) (== net8.0) (== net8.0-windows10.0.17763.0) (&& (== netstandard2.0) (>= net8.0))
      Microsoft.IdentityModel.JsonWebTokens (>= 8.0)
      Microsoft.IdentityModel.Tokens (>= 8.0)
    System.IO (4.3)
      Microsoft.NETCore.Platforms (>= 1.1) - restriction: || (&& (== net471) (< net45)) (== net6.0) (== net8.0) (== net8.0-windows10.0.17763.0) (== netstandard2.0)
      Microsoft.NETCore.Targets (>= 1.1) - restriction: || (&& (== net471) (< net45)) (== net6.0) (== net8.0) (== net8.0-windows10.0.17763.0) (== netstandard2.0)
      System.Runtime (>= 4.3) - restriction: || (&& (== net471) (< net45)) (== net6.0) (== net8.0) (== net8.0-windows10.0.17763.0) (== netstandard2.0)
      System.Text.Encoding (>= 4.3) - restriction: || (&& (== net471) (< net45)) (== net6.0) (== net8.0) (== net8.0-windows10.0.17763.0) (== netstandard2.0)
      System.Threading.Tasks (>= 4.3) - restriction: || (&& (== net471) (< net45)) (== net6.0) (== net8.0) (== net8.0-windows10.0.17763.0) (== netstandard2.0)
    System.IO.Pipelines (8.0)
      System.Buffers (>= 4.5.1) - restriction: || (== net471) (&& (== net6.0) (>= net462)) (&& (== net8.0) (>= net462)) (&& (== net8.0) (< net6.0)) (&& (== net8.0-windows10.0.17763.0) (>= net462)) (&& (== net8.0-windows10.0.17763.0) (< net6.0)) (== netstandard2.0)
      System.Memory (>= 4.5.5) - restriction: || (== net471) (&& (== net6.0) (>= net462)) (&& (== net8.0) (>= net462)) (&& (== net8.0) (< net6.0)) (&& (== net8.0-windows10.0.17763.0) (>= net462)) (&& (== net8.0-windows10.0.17763.0) (< net6.0)) (== netstandard2.0)
      System.Threading.Tasks.Extensions (>= 4.5.4) - restriction: || (== net471) (&& (== net6.0) (>= net462)) (&& (== net8.0) (>= net462)) (&& (== net8.0) (< net6.0)) (&& (== net8.0-windows10.0.17763.0) (>= net462)) (&& (== net8.0-windows10.0.17763.0) (< net6.0)) (== netstandard2.0)
    System.Linq (4.3) - restriction: || (&& (== net471) (< net45)) (== net6.0) (== net8.0) (== net8.0-windows10.0.17763.0) (== netstandard2.0)
      System.Collections (>= 4.3) - restriction: || (&& (== net471) (< net45)) (== net6.0) (== net8.0) (== net8.0-windows10.0.17763.0) (== netstandard2.0)
      System.Diagnostics.Debug (>= 4.3) - restriction: || (&& (== net471) (< net45)) (== net6.0) (== net8.0) (== net8.0-windows10.0.17763.0) (== netstandard2.0)
      System.Resources.ResourceManager (>= 4.3) - restriction: || (&& (== net471) (< net45)) (== net6.0) (== net8.0) (== net8.0-windows10.0.17763.0) (== netstandard2.0)
      System.Runtime (>= 4.3) - restriction: || (&& (== net471) (< net45)) (== net6.0) (== net8.0) (== net8.0-windows10.0.17763.0) (== netstandard2.0)
      System.Runtime.Extensions (>= 4.3) - restriction: || (&& (== net471) (< net45)) (== net6.0) (== net8.0) (== net8.0-windows10.0.17763.0) (== netstandard2.0)
    System.Linq.Expressions (4.3) - restriction: || (&& (== net471) (< net45)) (== net6.0) (== net8.0) (== net8.0-windows10.0.17763.0) (== netstandard2.0)
      System.Collections (>= 4.3) - restriction: || (&& (== net471) (< net45)) (== net6.0) (== net8.0) (== net8.0-windows10.0.17763.0) (== netstandard2.0)
      System.Diagnostics.Debug (>= 4.3) - restriction: || (&& (== net471) (< net45)) (== net6.0) (== net8.0) (== net8.0-windows10.0.17763.0) (== netstandard2.0)
      System.Globalization (>= 4.3) - restriction: || (&& (== net471) (< net45)) (== net6.0) (== net8.0) (== net8.0-windows10.0.17763.0) (== netstandard2.0)
      System.IO (>= 4.3) - restriction: || (&& (== net471) (< net45)) (== net6.0) (== net8.0) (== net8.0-windows10.0.17763.0) (== netstandard2.0)
      System.Linq (>= 4.3) - restriction: || (&& (== net471) (< net45)) (== net6.0) (== net8.0) (== net8.0-windows10.0.17763.0) (== netstandard2.0)
      System.ObjectModel (>= 4.3) - restriction: || (&& (== net471) (< net45)) (== net6.0) (== net8.0) (== net8.0-windows10.0.17763.0) (== netstandard2.0)
      System.Reflection (>= 4.3) - restriction: || (&& (== net471) (< net45)) (== net6.0) (== net8.0) (== net8.0-windows10.0.17763.0) (== netstandard2.0)
      System.Reflection.Emit (>= 4.3) - restriction: || (&& (== net471) (< net45)) (== net6.0) (== net8.0) (== net8.0-windows10.0.17763.0) (== netstandard2.0)
      System.Reflection.Emit.ILGeneration (>= 4.3) - restriction: || (&& (== net471) (< net45)) (== net6.0) (== net8.0) (== net8.0-windows10.0.17763.0) (== netstandard2.0)
      System.Reflection.Emit.Lightweight (>= 4.3) - restriction: || (&& (== net471) (< net45)) (== net6.0) (== net8.0) (== net8.0-windows10.0.17763.0) (== netstandard2.0)
      System.Reflection.Extensions (>= 4.3) - restriction: || (&& (== net471) (< net45)) (== net6.0) (== net8.0) (== net8.0-windows10.0.17763.0) (== netstandard2.0)
      System.Reflection.Primitives (>= 4.3) - restriction: || (&& (== net471) (< net45)) (== net6.0) (== net8.0) (== net8.0-windows10.0.17763.0) (== netstandard2.0)
      System.Reflection.TypeExtensions (>= 4.3) - restriction: || (&& (== net471) (< net45)) (== net6.0) (== net8.0) (== net8.0-windows10.0.17763.0) (== netstandard2.0)
      System.Resources.ResourceManager (>= 4.3) - restriction: || (&& (== net471) (< net45)) (== net6.0) (== net8.0) (== net8.0-windows10.0.17763.0) (== netstandard2.0)
      System.Runtime (>= 4.3) - restriction: || (&& (== net471) (< net45)) (== net6.0) (== net8.0) (== net8.0-windows10.0.17763.0) (== netstandard2.0)
      System.Runtime.Extensions (>= 4.3) - restriction: || (&& (== net471) (< net45)) (== net6.0) (== net8.0) (== net8.0-windows10.0.17763.0) (== netstandard2.0)
      System.Threading (>= 4.3) - restriction: || (&& (== net471) (< net45)) (== net6.0) (== net8.0) (== net8.0-windows10.0.17763.0) (== netstandard2.0)
    System.Management (8.0)
      System.CodeDom (>= 8.0)
    System.Memory (4.5.5)
      System.Buffers (>= 4.5.1) - restriction: || (== net471) (&& (== net6.0) (>= monotouch)) (&& (== net6.0) (>= net461)) (&& (== net6.0) (< netcoreapp2.0)) (&& (== net6.0) (< netstandard1.1)) (&& (== net6.0) (< netstandard2.0)) (&& (== net6.0) (>= xamarinios)) (&& (== net6.0) (>= xamarinmac)) (&& (== net6.0) (>= xamarintvos)) (&& (== net6.0) (>= xamarinwatchos)) (&& (== net8.0) (>= monotouch)) (&& (== net8.0) (>= net461)) (&& (== net8.0) (< netcoreapp2.0)) (&& (== net8.0) (< netstandard1.1)) (&& (== net8.0) (< netstandard2.0)) (&& (== net8.0) (>= xamarinios)) (&& (== net8.0) (>= xamarinmac)) (&& (== net8.0) (>= xamarintvos)) (&& (== net8.0) (>= xamarinwatchos)) (&& (== net8.0-windows10.0.17763.0) (>= monotouch)) (&& (== net8.0-windows10.0.17763.0) (>= net461)) (&& (== net8.0-windows10.0.17763.0) (< netcoreapp2.0)) (&& (== net8.0-windows10.0.17763.0) (< netstandard1.1)) (&& (== net8.0-windows10.0.17763.0) (< netstandard2.0)) (&& (== net8.0-windows10.0.17763.0) (>= xamarinios)) (&& (== net8.0-windows10.0.17763.0) (>= xamarinmac)) (&& (== net8.0-windows10.0.17763.0) (>= xamarintvos)) (&& (== net8.0-windows10.0.17763.0) (>= xamarinwatchos)) (== netstandard2.0)
      System.Numerics.Vectors (>= 4.4) - restriction: || (&& (== net471) (== net6.0)) (&& (== net471) (== net8.0)) (&& (== net471) (== net8.0-windows10.0.17763.0)) (&& (== net471) (< net45)) (&& (== net6.0) (< netcoreapp2.0)) (&& (== net8.0) (< netcoreapp2.0)) (&& (== net8.0-windows10.0.17763.0) (< netcoreapp2.0)) (== netstandard2.0)
      System.Numerics.Vectors (>= 4.5) - restriction: || (== net471) (&& (== net6.0) (>= net461)) (&& (== net8.0) (>= net461)) (&& (== net8.0-windows10.0.17763.0) (>= net461)) (&& (== netstandard2.0) (>= net461))
      System.Runtime.CompilerServices.Unsafe (>= 4.5.3) - restriction: || (== net471) (&& (== net6.0) (>= monotouch)) (&& (== net6.0) (>= net461)) (&& (== net6.0) (< netcoreapp2.0)) (&& (== net6.0) (< netcoreapp2.1)) (&& (== net6.0) (< netstandard1.1)) (&& (== net6.0) (< netstandard2.0)) (&& (== net6.0) (>= uap10.1)) (&& (== net6.0) (>= xamarinios)) (&& (== net6.0) (>= xamarinmac)) (&& (== net6.0) (>= xamarintvos)) (&& (== net6.0) (>= xamarinwatchos)) (&& (== net8.0) (>= monotouch)) (&& (== net8.0) (>= net461)) (&& (== net8.0) (< netcoreapp2.0)) (&& (== net8.0) (< netcoreapp2.1)) (&& (== net8.0) (< netstandard1.1)) (&& (== net8.0) (< netstandard2.0)) (&& (== net8.0) (>= uap10.1)) (&& (== net8.0) (>= xamarinios)) (&& (== net8.0) (>= xamarinmac)) (&& (== net8.0) (>= xamarintvos)) (&& (== net8.0) (>= xamarinwatchos)) (&& (== net8.0-windows10.0.17763.0) (>= monotouch)) (&& (== net8.0-windows10.0.17763.0) (>= net461)) (&& (== net8.0-windows10.0.17763.0) (< netcoreapp2.0)) (&& (== net8.0-windows10.0.17763.0) (< netcoreapp2.1)) (&& (== net8.0-windows10.0.17763.0) (< netstandard1.1)) (&& (== net8.0-windows10.0.17763.0) (< netstandard2.0)) (&& (== net8.0-windows10.0.17763.0) (>= uap10.1)) (&& (== net8.0-windows10.0.17763.0) (>= xamarinios)) (&& (== net8.0-windows10.0.17763.0) (>= xamarinmac)) (&& (== net8.0-windows10.0.17763.0) (>= xamarintvos)) (&& (== net8.0-windows10.0.17763.0) (>= xamarinwatchos)) (== netstandard2.0)
    System.Net.Http (4.3.4) - restriction: || (== net471) (&& (== net6.0) (>= net462)) (&& (== net8.0) (>= net462)) (&& (== net8.0-windows10.0.17763.0) (>= net462)) (&& (== netstandard2.0) (>= net462))
      System.Security.Cryptography.X509Certificates (>= 4.3)
    System.Net.Http.Json (8.0)
      System.Buffers (>= 4.5.1) - restriction: || (== net471) (&& (== net6.0) (>= net462)) (&& (== net8.0) (>= net462)) (&& (== net8.0) (< net6.0)) (&& (== net8.0-windows10.0.17763.0) (>= net462)) (&& (== net8.0-windows10.0.17763.0) (< net6.0)) (== netstandard2.0)
      System.Memory (>= 4.5.5) - restriction: || (== net471) (&& (== net6.0) (>= net462)) (&& (== net8.0) (>= net462)) (&& (== net8.0) (< net6.0)) (&& (== net8.0-windows10.0.17763.0) (>= net462)) (&& (== net8.0-windows10.0.17763.0) (< net6.0)) (== netstandard2.0)
      System.Text.Json (>= 8.0)
      System.Threading.Tasks.Extensions (>= 4.5.4) - restriction: || (== net471) (&& (== net6.0) (>= net462)) (&& (== net8.0) (>= net462)) (&& (== net8.0) (< net6.0)) (&& (== net8.0-windows10.0.17763.0) (>= net462)) (&& (== net8.0-windows10.0.17763.0) (< net6.0)) (== netstandard2.0)
    System.Net.Sockets (4.3) - restriction: || (== net471) (&& (== net6.0) (>= net462)) (&& (== net8.0) (>= net462)) (&& (== net8.0-windows10.0.17763.0) (>= net462)) (&& (== netstandard2.0) (>= net462))
    System.Numerics.Vectors (4.5)
    System.ObjectModel (4.3) - restriction: || (&& (== net471) (< net45)) (== net6.0) (== net8.0) (== net8.0-windows10.0.17763.0) (== netstandard2.0)
      System.Collections (>= 4.3) - restriction: || (&& (== net471) (< net45)) (== net6.0) (== net8.0) (== net8.0-windows10.0.17763.0) (== netstandard2.0)
      System.Diagnostics.Debug (>= 4.3) - restriction: || (&& (== net471) (< net45)) (== net6.0) (== net8.0) (== net8.0-windows10.0.17763.0) (== netstandard2.0)
      System.Resources.ResourceManager (>= 4.3) - restriction: || (&& (== net471) (< net45)) (== net6.0) (== net8.0) (== net8.0-windows10.0.17763.0) (== netstandard2.0)
      System.Runtime (>= 4.3) - restriction: || (&& (== net471) (< net45)) (== net6.0) (== net8.0) (== net8.0-windows10.0.17763.0) (== netstandard2.0)
      System.Threading (>= 4.3) - restriction: || (&& (== net471) (< net45)) (== net6.0) (== net8.0) (== net8.0-windows10.0.17763.0) (== netstandard2.0)
    System.Reflection (4.3) - restriction: || (&& (== net471) (< net45)) (== net6.0) (== net8.0) (== net8.0-windows10.0.17763.0) (== netstandard2.0)
      Microsoft.NETCore.Platforms (>= 1.1) - restriction: || (&& (== net471) (< net45)) (== net6.0) (== net8.0) (== net8.0-windows10.0.17763.0) (== netstandard2.0)
      Microsoft.NETCore.Targets (>= 1.1) - restriction: || (&& (== net471) (< net45)) (== net6.0) (== net8.0) (== net8.0-windows10.0.17763.0) (== netstandard2.0)
      System.IO (>= 4.3) - restriction: || (&& (== net471) (< net45)) (== net6.0) (== net8.0) (== net8.0-windows10.0.17763.0) (== netstandard2.0)
      System.Reflection.Primitives (>= 4.3) - restriction: || (&& (== net471) (< net45)) (== net6.0) (== net8.0) (== net8.0-windows10.0.17763.0) (== netstandard2.0)
      System.Runtime (>= 4.3) - restriction: || (&& (== net471) (< net45)) (== net6.0) (== net8.0) (== net8.0-windows10.0.17763.0) (== netstandard2.0)
    System.Reflection.Emit (4.7)
      System.Reflection.Emit.ILGeneration (>= 4.7) - restriction: || (&& (== net471) (== net6.0)) (&& (== net471) (== net8.0)) (&& (== net471) (== net8.0-windows10.0.17763.0)) (&& (== net471) (< net45)) (&& (== net471) (< netstandard1.1)) (&& (== net471) (< netstandard2.0) (>= wpa81)) (&& (== net471) (>= uap10.1)) (&& (== net6.0) (< netcoreapp2.0) (< netstandard2.1)) (&& (== net6.0) (< netstandard1.1)) (&& (== net6.0) (< netstandard2.0)) (&& (== net6.0) (>= uap10.1)) (&& (== net8.0) (< netcoreapp2.0) (< netstandard2.1)) (&& (== net8.0) (< netstandard1.1)) (&& (== net8.0) (< netstandard2.0)) (&& (== net8.0) (>= uap10.1)) (&& (== net8.0-windows10.0.17763.0) (< netcoreapp2.0) (< netstandard2.1)) (&& (== net8.0-windows10.0.17763.0) (< netstandard1.1)) (&& (== net8.0-windows10.0.17763.0) (< netstandard2.0)) (&& (== net8.0-windows10.0.17763.0) (>= uap10.1)) (== netstandard2.0)
    System.Reflection.Emit.ILGeneration (4.7) - restriction: || (&& (== net471) (< net45)) (&& (== net471) (< netstandard1.1)) (&& (== net471) (< netstandard2.0) (>= wpa81)) (&& (== net471) (>= uap10.1)) (== net6.0) (== net8.0) (== net8.0-windows10.0.17763.0) (== netstandard2.0)
    System.Reflection.Emit.Lightweight (4.7)
      System.Reflection.Emit.ILGeneration (>= 4.7) - restriction: || (&& (== net471) (== net6.0)) (&& (== net471) (== net8.0)) (&& (== net471) (== net8.0-windows10.0.17763.0)) (&& (== net471) (< net45)) (&& (== net471) (< netstandard2.0) (>= wpa81)) (&& (== net471) (< portable-net45+wp8)) (&& (== net471) (>= uap10.1)) (&& (== net6.0) (< netcoreapp2.0) (< netstandard2.1)) (&& (== net6.0) (< netstandard2.0)) (&& (== net6.0) (< portable-net45+wp8)) (&& (== net6.0) (>= uap10.1)) (&& (== net8.0) (< netcoreapp2.0) (< netstandard2.1)) (&& (== net8.0) (< netstandard2.0)) (&& (== net8.0) (< portable-net45+wp8)) (&& (== net8.0) (>= uap10.1)) (&& (== net8.0-windows10.0.17763.0) (< netcoreapp2.0) (< netstandard2.1)) (&& (== net8.0-windows10.0.17763.0) (< netstandard2.0)) (&& (== net8.0-windows10.0.17763.0) (< portable-net45+wp8)) (&& (== net8.0-windows10.0.17763.0) (>= uap10.1)) (== netstandard2.0)
    System.Reflection.Extensions (4.3) - restriction: || (&& (== net471) (< net45)) (== net6.0) (== net8.0) (== net8.0-windows10.0.17763.0) (== netstandard2.0)
      Microsoft.NETCore.Platforms (>= 1.1) - restriction: || (&& (== net471) (< net45)) (== net6.0) (== net8.0) (== net8.0-windows10.0.17763.0) (== netstandard2.0)
      Microsoft.NETCore.Targets (>= 1.1) - restriction: || (&& (== net471) (< net45)) (== net6.0) (== net8.0) (== net8.0-windows10.0.17763.0) (== netstandard2.0)
      System.Reflection (>= 4.3) - restriction: || (&& (== net471) (< net45)) (== net6.0) (== net8.0) (== net8.0-windows10.0.17763.0) (== netstandard2.0)
      System.Runtime (>= 4.3) - restriction: || (&& (== net471) (< net45)) (== net6.0) (== net8.0) (== net8.0-windows10.0.17763.0) (== netstandard2.0)
    System.Reflection.Metadata (8.0)
      System.Collections.Immutable (>= 8.0)
      System.Memory (>= 4.5.5) - restriction: || (== net471) (&& (== net6.0) (>= net462)) (&& (== net8.0) (>= net462)) (&& (== net8.0) (< net6.0)) (&& (== net8.0-windows10.0.17763.0) (>= net462)) (&& (== net8.0-windows10.0.17763.0) (< net6.0)) (== netstandard2.0)
    System.Reflection.Primitives (4.3) - restriction: || (&& (== net471) (< net45)) (== net6.0) (== net8.0) (== net8.0-windows10.0.17763.0) (== netstandard2.0)
      Microsoft.NETCore.Platforms (>= 1.1) - restriction: || (&& (== net471) (< net45)) (== net6.0) (== net8.0) (== net8.0-windows10.0.17763.0) (== netstandard2.0)
      Microsoft.NETCore.Targets (>= 1.1) - restriction: || (&& (== net471) (< net45)) (== net6.0) (== net8.0) (== net8.0-windows10.0.17763.0) (== netstandard2.0)
      System.Runtime (>= 4.3) - restriction: || (&& (== net471) (< net45)) (== net6.0) (== net8.0) (== net8.0-windows10.0.17763.0) (== netstandard2.0)
    System.Reflection.TypeExtensions (4.7)
    System.Resources.ResourceManager (4.3) - restriction: || (&& (== net471) (< net45)) (== net6.0) (== net8.0) (== net8.0-windows10.0.17763.0) (== netstandard2.0)
      Microsoft.NETCore.Platforms (>= 1.1) - restriction: || (&& (== net471) (< net45)) (== net6.0) (== net8.0) (== net8.0-windows10.0.17763.0) (== netstandard2.0)
      Microsoft.NETCore.Targets (>= 1.1) - restriction: || (&& (== net471) (< net45)) (== net6.0) (== net8.0) (== net8.0-windows10.0.17763.0) (== netstandard2.0)
      System.Globalization (>= 4.3) - restriction: || (&& (== net471) (< net45)) (== net6.0) (== net8.0) (== net8.0-windows10.0.17763.0) (== netstandard2.0)
      System.Reflection (>= 4.3) - restriction: || (&& (== net471) (< net45)) (== net6.0) (== net8.0) (== net8.0-windows10.0.17763.0) (== netstandard2.0)
      System.Runtime (>= 4.3) - restriction: || (&& (== net471) (< net45)) (== net6.0) (== net8.0) (== net8.0-windows10.0.17763.0) (== netstandard2.0)
    System.Runtime (4.3.1)
      Microsoft.NETCore.Platforms (>= 1.1.1) - restriction: || (&& (== net471) (< net45)) (== net6.0) (== net8.0) (== net8.0-windows10.0.17763.0) (== netstandard2.0)
      Microsoft.NETCore.Targets (>= 1.1.3) - restriction: || (&& (== net471) (< net45)) (== net6.0) (== net8.0) (== net8.0-windows10.0.17763.0) (== netstandard2.0)
    System.Runtime.CompilerServices.Unsafe (6.0)
    System.Runtime.Extensions (4.3.1) - restriction: || (&& (== net471) (< net45)) (== net6.0) (== net8.0) (== net8.0-windows10.0.17763.0) (== netstandard2.0)
      Microsoft.NETCore.Platforms (>= 1.1.1) - restriction: || (&& (== net471) (< net45)) (== net6.0) (== net8.0) (== net8.0-windows10.0.17763.0) (== netstandard2.0)
      Microsoft.NETCore.Targets (>= 1.1.3) - restriction: || (&& (== net471) (< net45)) (== net6.0) (== net8.0) (== net8.0-windows10.0.17763.0) (== netstandard2.0)
      System.Runtime (>= 4.3.1) - restriction: || (&& (== net471) (< net45)) (== net6.0) (== net8.0) (== net8.0-windows10.0.17763.0) (== netstandard2.0)
    System.Runtime.InteropServices.RuntimeInformation (4.3) - restriction: || (== net471) (&& (== net6.0) (>= net462)) (&& (== net8.0) (>= net462)) (&& (== net8.0-windows10.0.17763.0) (>= net462)) (&& (== netstandard2.0) (>= net462))
    System.Security.AccessControl (6.0.1) - restriction: || (== net471) (&& (== net8.0) (>= monoandroid) (< netstandard1.3)) (&& (== net8.0) (>= monotouch)) (&& (== net8.0) (>= net461)) (&& (== net8.0) (< net6.0)) (&& (== net8.0) (< netcoreapp2.0)) (&& (== net8.0) (>= uap10.1)) (&& (== net8.0-windows10.0.17763.0) (>= monoandroid) (< netstandard1.3)) (&& (== net8.0-windows10.0.17763.0) (>= monotouch)) (&& (== net8.0-windows10.0.17763.0) (>= net461)) (&& (== net8.0-windows10.0.17763.0) (< net6.0)) (&& (== net8.0-windows10.0.17763.0) (< netcoreapp2.0)) (&& (== net8.0-windows10.0.17763.0) (>= uap10.1)) (== netstandard2.0)
      System.Security.Principal.Windows (>= 5.0) - restriction: || (== net471) (&& (== net6.0) (>= net461)) (&& (== net8.0) (>= net461)) (&& (== net8.0) (< net6.0)) (&& (== net8.0-windows10.0.17763.0) (>= net461)) (&& (== net8.0-windows10.0.17763.0) (< net6.0)) (== netstandard2.0)
    System.Security.Cryptography.Algorithms (4.3.1) - restriction: || (== net471) (&& (== net6.0) (>= net462)) (&& (== net8.0) (>= net462)) (&& (== net8.0-windows10.0.17763.0) (>= net462)) (&& (== netstandard2.0) (>= net462))
      System.IO (>= 4.3)
      System.Runtime (>= 4.3)
      System.Security.Cryptography.Encoding (>= 4.3)
      System.Security.Cryptography.Primitives (>= 4.3)
    System.Security.Cryptography.Encoding (4.3) - restriction: || (== net471) (&& (== net6.0) (>= net462)) (&& (== net8.0) (>= net462)) (&& (== net8.0-windows10.0.17763.0) (>= net462)) (&& (== netstandard2.0) (>= net462))
    System.Security.Cryptography.Primitives (4.3) - restriction: || (== net471) (&& (== net6.0) (>= net462)) (&& (== net6.0) (>= net463)) (&& (== net8.0) (>= net462)) (&& (== net8.0) (>= net463)) (&& (== net8.0-windows10.0.17763.0) (>= net462)) (&& (== net8.0-windows10.0.17763.0) (>= net463)) (&& (== netstandard2.0) (>= net462)) (&& (== netstandard2.0) (>= net463))
    System.Security.Cryptography.X509Certificates (4.3.2) - restriction: || (== net471) (&& (== net6.0) (>= net462)) (&& (== net8.0) (>= net462)) (&& (== net8.0-windows10.0.17763.0) (>= net462)) (&& (== netstandard2.0) (>= net462))
      System.Security.Cryptography.Algorithms (>= 4.3)
      System.Security.Cryptography.Encoding (>= 4.3)
    System.Security.Principal.Windows (5.0) - restriction: || (== net471) (&& (== net8.0) (>= monoandroid) (< netstandard1.3)) (&& (== net8.0) (>= monotouch)) (&& (== net8.0) (>= net461)) (&& (== net8.0) (< net6.0)) (&& (== net8.0) (< netcoreapp2.0)) (&& (== net8.0) (>= uap10.1)) (&& (== net8.0-windows10.0.17763.0) (>= monoandroid) (< netstandard1.3)) (&& (== net8.0-windows10.0.17763.0) (>= monotouch)) (&& (== net8.0-windows10.0.17763.0) (>= net461)) (&& (== net8.0-windows10.0.17763.0) (< net6.0)) (&& (== net8.0-windows10.0.17763.0) (< netcoreapp2.0)) (&& (== net8.0-windows10.0.17763.0) (>= uap10.1)) (== netstandard2.0)
    System.Text.Encoding (4.3) - restriction: || (&& (== net471) (< net45)) (== net6.0) (== net8.0) (== net8.0-windows10.0.17763.0) (== netstandard2.0)
      Microsoft.NETCore.Platforms (>= 1.1) - restriction: || (&& (== net471) (< net45)) (== net6.0) (== net8.0) (== net8.0-windows10.0.17763.0) (== netstandard2.0)
      Microsoft.NETCore.Targets (>= 1.1) - restriction: || (&& (== net471) (< net45)) (== net6.0) (== net8.0) (== net8.0-windows10.0.17763.0) (== netstandard2.0)
      System.Runtime (>= 4.3) - restriction: || (&& (== net471) (< net45)) (== net6.0) (== net8.0) (== net8.0-windows10.0.17763.0) (== netstandard2.0)
    System.Text.Encoding.CodePages (8.0) - restriction: || (== net471) (== net6.0) (&& (== net8.0) (< net7.0)) (&& (== net8.0-windows10.0.17763.0) (< net7.0)) (== netstandard2.0)
      System.Memory (>= 4.5.5) - restriction: || (== net471) (&& (== net6.0) (>= net462)) (&& (== net8.0) (>= net462)) (&& (== net8.0) (< net6.0)) (&& (== net8.0-windows10.0.17763.0) (>= net462)) (&& (== net8.0-windows10.0.17763.0) (< net6.0)) (== netstandard2.0)
      System.Runtime.CompilerServices.Unsafe (>= 6.0) - restriction: || (== net471) (== net6.0) (&& (== net8.0) (>= net462)) (&& (== net8.0) (< net6.0)) (&& (== net8.0) (< net7.0)) (&& (== net8.0-windows10.0.17763.0) (>= net462)) (&& (== net8.0-windows10.0.17763.0) (< net6.0)) (&& (== net8.0-windows10.0.17763.0) (< net7.0)) (== netstandard2.0)
    System.Text.Encodings.Web (8.0)
      System.Runtime.CompilerServices.Unsafe (>= 6.0) - restriction: || (== net471) (== net6.0) (&& (== net8.0) (>= net462)) (&& (== net8.0) (< net6.0)) (&& (== net8.0) (< net7.0)) (&& (== net8.0-windows10.0.17763.0) (>= net462)) (&& (== net8.0-windows10.0.17763.0) (< net6.0)) (&& (== net8.0-windows10.0.17763.0) (< net7.0)) (== netstandard2.0)
    System.Text.Json (8.0.4)
      System.Runtime.CompilerServices.Unsafe (>= 6.0) - restriction: || (== net471) (== net6.0) (&& (== net8.0) (>= net462)) (&& (== net8.0) (< net6.0)) (&& (== net8.0) (< net7.0)) (&& (== net8.0-windows10.0.17763.0) (>= net462)) (&& (== net8.0-windows10.0.17763.0) (< net6.0)) (&& (== net8.0-windows10.0.17763.0) (< net7.0)) (== netstandard2.0)
      System.Text.Encodings.Web (>= 8.0)
    System.Threading (4.3) - restriction: || (&& (== net471) (< net45)) (== net6.0) (== net8.0) (== net8.0-windows10.0.17763.0) (== netstandard2.0)
      System.Runtime (>= 4.3) - restriction: || (&& (== net471) (< net45)) (== net6.0) (== net8.0) (== net8.0-windows10.0.17763.0) (== netstandard2.0)
      System.Threading.Tasks (>= 4.3) - restriction: || (&& (== net471) (< net45)) (== net6.0) (== net8.0) (== net8.0-windows10.0.17763.0) (== netstandard2.0)
    System.Threading.Channels (8.0)
      System.Threading.Tasks.Extensions (>= 4.5.4) - restriction: || (== net471) (&& (== net6.0) (>= net462)) (&& (== net6.0) (< netstandard2.1)) (&& (== net8.0) (>= net462)) (&& (== net8.0) (< netstandard2.1)) (&& (== net8.0-windows10.0.17763.0) (>= net462)) (&& (== net8.0-windows10.0.17763.0) (< netstandard2.1)) (== netstandard2.0)
    System.Threading.Tasks (4.3) - restriction: || (&& (== net471) (< net45)) (== net6.0) (== net8.0) (== net8.0-windows10.0.17763.0) (== netstandard2.0)
      Microsoft.NETCore.Platforms (>= 1.1) - restriction: || (&& (== net471) (< net45)) (== net6.0) (== net8.0) (== net8.0-windows10.0.17763.0) (== netstandard2.0)
      Microsoft.NETCore.Targets (>= 1.1) - restriction: || (&& (== net471) (< net45)) (== net6.0) (== net8.0) (== net8.0-windows10.0.17763.0) (== netstandard2.0)
      System.Runtime (>= 4.3) - restriction: || (&& (== net471) (< net45)) (== net6.0) (== net8.0) (== net8.0-windows10.0.17763.0) (== netstandard2.0)
    System.Threading.Tasks.Extensions (4.5.4) - restriction: || (== net471) (== net6.0) (&& (== net8.0) (< net6.0)) (&& (== net8.0) (< net7.0)) (&& (== net8.0-windows10.0.17763.0) (< net6.0)) (&& (== net8.0-windows10.0.17763.0) (< net7.0)) (== netstandard2.0)
      System.Runtime.CompilerServices.Unsafe (>= 4.5.3) - restriction: || (== net471) (&& (== net6.0) (>= net461)) (&& (== net6.0) (< netcoreapp2.1)) (&& (== net6.0) (< netstandard1.0)) (&& (== net6.0) (< netstandard2.0)) (&& (== net6.0) (>= wp8)) (&& (== net8.0) (>= net461)) (&& (== net8.0) (< netcoreapp2.1)) (&& (== net8.0) (< netstandard1.0)) (&& (== net8.0) (< netstandard2.0)) (&& (== net8.0) (>= wp8)) (&& (== net8.0-windows10.0.17763.0) (>= net461)) (&& (== net8.0-windows10.0.17763.0) (< netcoreapp2.1)) (&& (== net8.0-windows10.0.17763.0) (< netstandard1.0)) (&& (== net8.0-windows10.0.17763.0) (< netstandard2.0)) (&& (== net8.0-windows10.0.17763.0) (>= wp8)) (== netstandard2.0)
    System.ValueTuple (4.5) - restriction: || (== net471) (&& (== net6.0) (>= net45)) (&& (== net6.0) (>= net462)) (&& (== net8.0) (>= net45)) (&& (== net8.0) (>= net462)) (&& (== net8.0-windows10.0.17763.0) (>= net45)) (&& (== net8.0-windows10.0.17763.0) (>= net462)) (&& (== netstandard2.0) (>= net45)) (&& (== netstandard2.0) (>= net462))
    Ultz.Native.GLFW (3.4)
    Uncodium.Eigensystems (1.1.2)
      Aardvark.Base (>= 5.1 < 6.0)
    Unofficial.LibTessDotNet (2.0.2)
    Unofficial.OpenTK (3.0.21)
    Unofficial.OpenTK.GLControl (3.0.21)
      Unofficial.OpenTK (3.0.21)
    Unofficial.Typography (0.1)
      System.Numerics.Vectors (>= 4.5)
